{
  "bids_meta": {
    "EchoTime": 0.00336,
    "FlipAngle": 9,
    "ImageType": [
      "ORIGINAL",
      "PRIMARY",
      "M",
      "ND",
      "NORM"
    ],
    "MagneticFieldStrength": 3,
    "Manufacturer": "Siemens",
    "ManufacturersModelName": "TrioTim",
    "PhaseEncodingDirection": "i-",
    "RepetitionTime": 2.3,
    "ScanningSequence": "GR_IR",
    "SequenceName": "_tfl3d1",
    "SequenceVariant": "SP_MP",
    "SoftwareVersions": "syngo_MR_B17",
    "dataset": "ds003083",
    "modality": "T1w",
    "subject_id": "1026"
  },
  "cjv": 0.32191442740436677,
  "cnr": 4.072625432189303,
  "efc": 0.6500605803537288,
  "fber": 2770.6859513007057,
  "fwhm_avg": 4.06308427244156,
  "fwhm_x": 4.0650202422940875,
  "fwhm_y": 4.252930253494397,
  "fwhm_z": 3.871302321536196,
  "icvs_csf": 0.2676506140259819,
  "icvs_gm": 0.41850312013138297,
  "icvs_wm": 0.31384626584263514,
  "inu_med": 0.7118954062461853,
  "inu_range": 0.26688689887523653,
  "provenance": {
    "md5sum": "c234e42ca32c7dccad1dc0cbeb1bea4f",
    "settings": {
      "testing": false
    },
    "software": "mriqc",
    "version": "22.0.1",
    "warnings": {
      "large_rot_frame": true,
      "small_air_mask": false
    },
    "webapi_port": null,
    "webapi_url": "https://mriqc.nimh.nih.gov/api/v1"
  },
  "qi_1": 0.0,
  "qi_2": 0.0018576006202245838,
  "rpve_csf": 17.097026436613202,
  "rpve_gm": 10.487090033004913,
  "rpve_wm": 16.427242778736282,
  "size_x": 256,
  "size_y": 256,
  "size_z": 160,
  "snr_csf": 1.7751006251592059,
  "snr_gm": 6.775620373990689,
  "snr_total": 7.972598326690206,
  "snr_wm": 15.367073980920724,
  "snrd_csf": 14.94999377609696,
  "snrd_gm": 53.90745692737258,
  "snrd_total": 54.99534094558819,
  "snrd_wm": 96.12857213329502,
  "spacing_x": 0.9999999403953552,
  "spacing_y": 0.9999999403953552,
  "spacing_z": 1.0000381469726562,
  "summary_bg_k": 20.60163216995632,
  "summary_bg_mad": 6.815368788073625,
  "summary_bg_mean": 15.491212696296158,
  "summary_bg_median": 4.596896391361952,
  "summary_bg_n": 1061658.0,
  "summary_bg_p05": 0.0,
  "summary_bg_p95": 58.872942108660936,
  "summary_bg_stdv": 23.370736501949317,
  "summary_csf_k": 0.6572489103884949,
  "summary_csf_mad": 85.9359191348979,
  "summary_csf_mean": 164.28809467314503,
  "summary_csf_median": 155.5244388245046,
  "summary_csf_n": 26421.0,
  "summary_csf_p05": 35.77178765460849,
  "summary_csf_p95": 320.4760154262185,
  "summary_csf_stdv": 87.61277721102277,
  "summary_gm_k": 0.266791190105764,
  "summary_gm_mad": 79.1551461274744,
  "summary_gm_mean": 560.4164017386101,
  "summary_gm_median": 560.7980252467096,
  "summary_gm_n": 40629.0,
  "summary_gm_p05": 422.97047080397607,
  "summary_gm_p95": 696.5581430383027,
  "summary_gm_stdv": 82.76601887362459,
  "summary_wm_k": 0.29180453973724285,
  "summary_wm_mad": 62.23780938956575,
  "summary_wm_mean": 997.140488852475,
  "summary_wm_median": 1000.0233083665371,
  "summary_wm_n": 196468.0,
  "summary_wm_p05": 886.2757906297222,
  "summary_wm_p95": 1100.3383214958012,
  "summary_wm_stdv": 65.0755481884104,
  "tpm_overlap_csf": 0.15388534018296252,
  "tpm_overlap_gm": 0.4719284831306956,
  "tpm_overlap_wm": 0.5078084580722221,
  "wm2max": 0.6979777164066787
}