{
  "bids_meta": {
    "EchoTime": 0.00336,
    "FlipAngle": 9,
    "ImageType": [
      "ORIGINAL",
      "PRIMARY",
      "M",
      "ND",
      "NORM"
    ],
    "MagneticFieldStrength": 3,
    "Manufacturer": "Siemens",
    "ManufacturersModelName": "TrioTim",
    "PhaseEncodingDirection": "i-",
    "RepetitionTime": 2.3,
    "ScanningSequence": "GR_IR",
    "SequenceName": "_tfl3d1",
    "SequenceVariant": "SP_MP",
    "SoftwareVersions": "syngo_MR_B17",
    "dataset": "ds003083",
    "modality": "T1w",
    "subject_id": "1002"
  },
  "cjv": 0.30242521344336726,
  "cnr": 4.380225355041242,
  "efc": 0.49898660900298836,
  "fber": 18109.03979276552,
  "fwhm_avg": 4.10798370175399,
  "fwhm_x": 4.15637,
  "fwhm_y": 4.16361024817051,
  "fwhm_z": 4.003970857091461,
  "icvs_csf": 0.21343167190954263,
  "icvs_gm": 0.4408317864426979,
  "icvs_wm": 0.34573654164775947,
  "inu_med": 0.49124695360660553,
  "inu_range": 0.16705691069364548,
  "provenance": {
    "md5sum": "a3560fc8663070fbe72a51ecf9fa54ba",
    "settings": {
      "testing": false
    },
    "software": "mriqc",
    "version": "22.0.1",
    "warnings": {
      "large_rot_frame": true,
      "small_air_mask": false
    },
    "webapi_port": null,
    "webapi_url": "https://mriqc.nimh.nih.gov/api/v1"
  },
  "qi_1": 0.0,
  "qi_2": 0.004878638102099547,
  "rpve_csf": 27.578437313926564,
  "rpve_gm": 13.956288840262582,
  "rpve_wm": 20.5167148674969,
  "size_x": 256,
  "size_y": 256,
  "size_z": 160,
  "snr_csf": 1.865846925878791,
  "snr_gm": 8.992341363466274,
  "snr_total": 11.164235901761321,
  "snr_wm": 22.634519415938893,
  "snrd_csf": 25.16903404151031,
  "snrd_gm": 80.25505648179853,
  "snrd_total": 77.40059526144724,
  "snrd_wm": 126.77769526103286,
  "spacing_x": 1.0,
  "spacing_y": 0.9999999403953552,
  "spacing_z": 0.9999848008155823,
  "summary_bg_k": 6.2687510895169805,
  "summary_bg_mad": 5.167475506496853,
  "summary_bg_mean": 7.6937584579263785,
  "summary_bg_median": 3.485409263521433,
  "summary_bg_n": 2091678.0,
  "summary_bg_p05": 0.0,
  "summary_bg_p95": 29.3014751188457,
  "summary_bg_stdv": 10.536933849623125,
  "summary_csf_k": 0.127564265564037,
  "summary_csf_mad": 104.81065837660168,
  "summary_csf_mean": 206.62549943294837,
  "summary_csf_median": 198.52410418912768,
  "summary_csf_n": 19881.0,
  "summary_csf_p05": 40.262486319988966,
  "summary_csf_p95": 393.56279911473393,
  "summary_csf_stdv": 106.39624749657271,
  "summary_gm_k": 0.22838212939240066,
  "summary_gm_mad": 67.7830235403932,
  "summary_gm_mean": 633.7783267979247,
  "summary_gm_median": 633.0224341712892,
  "summary_gm_n": 39772.0,
  "summary_gm_p05": 519.315163477324,
  "summary_gm_p95": 751.093677636236,
  "summary_gm_stdv": 70.39484494563513,
  "summary_wm_k": 0.18082952608511293,
  "summary_wm_mad": 43.192967681890934,
  "summary_wm_mean": 999.2656079137261,
  "summary_wm_median": 999.9759363569319,
  "summary_wm_n": 171803.0,
  "summary_wm_p05": 925.2920288965106,
  "summary_wm_p95": 1070.5735019221902,
  "summary_wm_stdv": 44.1791145522842,
  "tpm_overlap_csf": 0.14906929167319893,
  "tpm_overlap_gm": 0.47677942193721856,
  "tpm_overlap_wm": 0.5139055138011889,
  "wm2max": 0.7266534923712494
}