{
  "bids_meta": {
    "EchoTime": 0.00336,
    "FlipAngle": 9,
    "ImageType": [
      "ORIGINAL",
      "PRIMARY",
      "M",
      "ND",
      "NORM"
    ],
    "MagneticFieldStrength": 3,
    "Manufacturer": "Siemens",
    "ManufacturersModelName": "TrioTim",
    "PhaseEncodingDirection": "i-",
    "RepetitionTime": 2.3,
    "ScanningSequence": "GR_IR",
    "SequenceName": "_tfl3d1",
    "SequenceVariant": "SP_MP",
    "SoftwareVersions": "syngo_MR_B17",
    "dataset": "ds003083",
    "modality": "T1w",
    "subject_id": "1036"
  },
  "cjv": 0.31978293501176114,
  "cnr": 4.193868780816102,
  "efc": 0.5325838455549234,
  "fber": 9747.07438016529,
  "fwhm_avg": 4.270933420785274,
  "fwhm_x": 4.34556,
  "fwhm_y": 4.40160026235582,
  "fwhm_z": 4.06564,
  "icvs_csf": 0.2501265153659938,
  "icvs_gm": 0.42521665029404726,
  "icvs_wm": 0.32465683433995896,
  "inu_med": 0.6199076771736145,
  "inu_range": 0.21084927618503568,
  "provenance": {
    "md5sum": "bbb34ab0aa3023062fab62a7f0dc16b5",
    "settings": {
      "testing": false
    },
    "software": "mriqc",
    "version": "22.0.1",
    "warnings": {
      "large_rot_frame": true,
      "small_air_mask": false
    },
    "webapi_port": null,
    "webapi_url": "https://mriqc.nimh.nih.gov/api/v1"
  },
  "qi_1": 0.0,
  "qi_2": 0.0028307964480408705,
  "rpve_csf": 21.031410034794458,
  "rpve_gm": 11.939161330093416,
  "rpve_wm": 18.020015723052627,
  "size_x": 256,
  "size_y": 256,
  "size_z": 160,
  "snr_csf": 1.8576444080264436,
  "snr_gm": 7.3009007816574485,
  "snr_total": 8.732903362360146,
  "snr_wm": 17.040164897396544,
  "snrd_csf": 19.571824620963632,
  "snrd_gm": 63.65739540801827,
  "snrd_total": 64.42889886818074,
  "snrd_wm": 110.05747657556033,
  "spacing_x": 1.0,
  "spacing_y": 0.9999999403953552,
  "spacing_z": 1.0,
  "summary_bg_k": 12.543744779108927,
  "summary_bg_mad": 5.952804345138268,
  "summary_bg_mean": 12.737432510923785,
  "summary_bg_median": 4.01510551571846,
  "summary_bg_n": 2158894.0,
  "summary_bg_p05": 0.0,
  "summary_bg_p95": 49.526869118213654,
  "summary_bg_stdv": 19.641277092835512,
  "summary_csf_k": -0.0683357583694808,
  "summary_csf_mad": 100.90807798028978,
  "summary_csf_mean": 183.34843400361078,
  "summary_csf_median": 177.83661943674088,
  "summary_csf_n": 25668.0,
  "summary_csf_p05": 35.326417556405076,
  "summary_csf_p95": 346.4276445508003,
  "summary_csf_stdv": 95.7304608270843,
  "summary_gm_k": -0.011270010190119972,
  "summary_gm_mad": 79.34927305465388,
  "summary_gm_mean": 577.4826867790207,
  "summary_gm_median": 578.4139302670956,
  "summary_gm_n": 27036.0,
  "summary_gm_p05": 444.6512325927615,
  "summary_gm_p95": 705.4811682030559,
  "summary_gm_stdv": 79.22354382832728,
  "summary_wm_k": 0.5004031412031544,
  "summary_wm_mad": 55.47370103253175,
  "summary_wm_mean": 995.9031913048137,
  "summary_wm_median": 1000.0217126905918,
  "summary_wm_n": 158410.0,
  "summary_wm_p05": 893.9578172564507,
  "summary_wm_p95": 1085.4674987196922,
  "summary_wm_stdv": 58.6859670825998,
  "tpm_overlap_csf": 0.13387471358678862,
  "tpm_overlap_gm": 0.4687958567114883,
  "tpm_overlap_wm": 0.4931815401996343,
  "wm2max": 0.7558562992125984
}