{
  "bids_meta": {
    "EchoTime": 0.00336,
    "FlipAngle": 9,
    "ImageType": [
      "ORIGINAL",
      "PRIMARY",
      "M",
      "ND",
      "NORM"
    ],
    "MagneticFieldStrength": 3,
    "Manufacturer": "Siemens",
    "ManufacturersModelName": "TrioTim",
    "PhaseEncodingDirection": "i-",
    "RepetitionTime": 2.3,
    "ScanningSequence": "GR_IR",
    "SequenceName": "_tfl3d1",
    "SequenceVariant": "SP_MP",
    "SoftwareVersions": "syngo_MR_B17",
    "dataset": "ds003083",
    "modality": "T1w",
    "subject_id": "1008"
  },
  "cjv": 0.33732195584086416,
  "cnr": 3.9070310383947846,
  "efc": 0.5979692170683469,
  "fber": 23566.738517834547,
  "fwhm_avg": 4.05434854656153,
  "fwhm_x": 4.00555,
  "fwhm_y": 4.20138,
  "fwhm_z": 3.9561156396845925,
  "icvs_csf": 0.2457609858085292,
  "icvs_gm": 0.4117774745611372,
  "icvs_wm": 0.34246153963033354,
  "inu_med": 0.409464031457901,
  "inu_range": 0.10474647879600524,
  "provenance": {
    "md5sum": "1e8a5e0124940ba756218d2ba4809698",
    "settings": {
      "testing": false
    },
    "software": "mriqc",
    "version": "22.0.1",
    "warnings": {
      "large_rot_frame": true,
      "small_air_mask": false
    },
    "webapi_port": null,
    "webapi_url": "https://mriqc.nimh.nih.gov/api/v1"
  },
  "qi_1": 0.0,
  "qi_2": 0.0036129372118080096,
  "rpve_csf": 19.22107170257804,
  "rpve_gm": 11.200962997206721,
  "rpve_wm": 16.004982903459897,
  "size_x": 256,
  "size_y": 256,
  "size_z": 160,
  "snr_csf": 2.00771891536354,
  "snr_gm": 8.193981295957624,
  "snr_total": 11.050169028638507,
  "snr_wm": 22.948806874594357,
  "snrd_csf": 31.22430903207137,
  "snrd_gm": 98.78880950091069,
  "snrd_total": 94.36686978249595,
  "snrd_wm": 153.0874908145058,
  "spacing_x": 1.0,
  "spacing_y": 1.0,
  "spacing_z": 0.9999732971191406,
  "summary_bg_k": 7.02939101814332,
  "summary_bg_mad": 4.2794899093184995,
  "summary_bg_mean": 8.188583825757808,
  "summary_bg_median": 2.8864720799028873,
  "summary_bg_n": 1488122.0,
  "summary_bg_p05": 0.0,
  "summary_bg_p95": 32.198392778635025,
  "summary_bg_stdv": 11.860141926790654,
  "summary_csf_k": 0.1501722454932235,
  "summary_csf_mad": 99.54334627097892,
  "summary_csf_mean": 215.0361078920928,
  "summary_csf_median": 203.96380880102515,
  "summary_csf_n": 48286.0,
  "summary_csf_p05": 59.56397755024955,
  "summary_csf_p95": 393.79000259097666,
  "summary_csf_stdv": 101.58877081375762,
  "summary_gm_k": 0.12126770846182167,
  "summary_gm_mad": 77.60342617250096,
  "summary_gm_mean": 642.7535148604873,
  "summary_gm_median": 645.3094552718103,
  "summary_gm_n": 34932.0,
  "summary_gm_p05": 507.9083024513908,
  "summary_gm_p95": 767.679609645158,
  "summary_gm_stdv": 78.75295234955622,
  "summary_wm_k": 0.3188926069814908,
  "summary_wm_mad": 42.04146777112188,
  "summary_wm_mean": 998.0366674516415,
  "summary_wm_median": 999.9999575410038,
  "summary_wm_n": 206638.0,
  "summary_wm_p05": 923.9759745914489,
  "summary_wm_p95": 1066.6733971331269,
  "summary_wm_stdv": 43.57514285218725,
  "tpm_overlap_csf": 0.14070326730528782,
  "tpm_overlap_gm": 0.4693648870475869,
  "tpm_overlap_wm": 0.511053858175429,
  "wm2max": 0.8517287349157707
}