{
  "bids_meta": {
    "EchoTime": 0.00336,
    "FlipAngle": 9,
    "ImageType": [
      "ORIGINAL",
      "PRIMARY",
      "M",
      "ND",
      "NORM"
    ],
    "MagneticFieldStrength": 3,
    "Manufacturer": "Siemens",
    "ManufacturersModelName": "TrioTim",
    "PhaseEncodingDirection": "i-",
    "RepetitionTime": 2.3,
    "ScanningSequence": "GR_IR",
    "SequenceName": "_tfl3d1",
    "SequenceVariant": "SP_MP",
    "SoftwareVersions": "syngo_MR_B17",
    "dataset": "ds003083",
    "modality": "T1w",
    "subject_id": "1006"
  },
  "cjv": 0.35638349466419245,
  "cnr": 3.7777234924694016,
  "efc": 0.5848045634114412,
  "fber": 4351.409905482042,
  "fwhm_avg": 4.318120921736919,
  "fwhm_x": 4.2671,
  "fwhm_y": 4.43901,
  "fwhm_z": 4.248252765210758,
  "icvs_csf": 0.23980133949485524,
  "icvs_gm": 0.4099547289945681,
  "icvs_wm": 0.35024393151057664,
  "inu_med": 0.5418209433555603,
  "inu_range": 0.1775623962283135,
  "provenance": {
    "md5sum": "0b0bd251e343f2baff84589a40df1c74",
    "settings": {
      "testing": false
    },
    "software": "mriqc",
    "version": "22.0.1",
    "warnings": {
      "large_rot_frame": true,
      "small_air_mask": false
    },
    "webapi_port": null,
    "webapi_url": "https://mriqc.nimh.nih.gov/api/v1"
  },
  "qi_1": 0.0,
  "qi_2": 0.0030704313417165047,
  "rpve_csf": 21.82149978508602,
  "rpve_gm": 12.31073812702651,
  "rpve_wm": 16.87164063918649,
  "size_x": 256,
  "size_y": 256,
  "size_z": 160,
  "snr_csf": 1.7315054987096161,
  "snr_gm": 8.187826223755716,
  "snr_total": 9.20553967839332,
  "snr_wm": 17.697287312714625,
  "snrd_csf": 18.752843828283094,
  "snrd_gm": 67.04567010331102,
  "snrd_total": 63.90129205549071,
  "snrd_wm": 105.905362234878,
  "spacing_x": 1.0,
  "spacing_y": 1.0,
  "spacing_z": 1.0000228881835938,
  "summary_bg_k": 7.625451921307583,
  "summary_bg_mad": 6.1860551665704815,
  "summary_bg_mean": 11.60730404173482,
  "summary_bg_median": 4.172430803999305,
  "summary_bg_n": 1650299.0,
  "summary_bg_p05": 0.0,
  "summary_bg_p95": 43.888617066666484,
  "summary_bg_stdv": 16.226603496210014,
  "summary_csf_k": 0.7431874420468874,
  "summary_csf_mad": 96.76048856801422,
  "summary_csf_mean": 189.30100324308773,
  "summary_csf_median": 177.0717158317566,
  "summary_csf_n": 40741.0,
  "summary_csf_p05": 40.20706047490239,
  "summary_csf_p95": 378.10701820626855,
  "summary_csf_stdv": 102.26334413106586,
  "summary_gm_k": 0.11476231753212884,
  "summary_gm_mad": 76.31673406031071,
  "summary_gm_mean": 632.673838413696,
  "summary_gm_median": 633.0715465340763,
  "summary_gm_n": 26795.0,
  "summary_gm_p05": 504.55175278522074,
  "summary_gm_p95": 757.5661717426032,
  "summary_gm_stdv": 77.31719211954591,
  "summary_wm_k": 0.3233131367682174,
  "summary_wm_mad": 54.45051766938509,
  "summary_wm_mean": 999.9750519347336,
  "summary_wm_median": 1000.0000201798975,
  "summary_wm_n": 193175.0,
  "summary_wm_p05": 907.4032937809825,
  "summary_wm_p95": 1092.7083088997751,
  "summary_wm_stdv": 56.50569006309798,
  "tpm_overlap_csf": 0.1364150462736117,
  "tpm_overlap_gm": 0.4580491967392018,
  "tpm_overlap_wm": 0.5025046754546539,
  "wm2max": 0.8405949321979856
}