{
  "bids_meta": {
    "EchoTime": 0.00336,
    "FlipAngle": 9,
    "ImageType": [
      "ORIGINAL",
      "PRIMARY",
      "M",
      "ND",
      "NORM"
    ],
    "MagneticFieldStrength": 3,
    "Manufacturer": "Siemens",
    "ManufacturersModelName": "TrioTim",
    "PhaseEncodingDirection": "i-",
    "RepetitionTime": 2.3,
    "ScanningSequence": "GR_IR",
    "SequenceName": "_tfl3d1",
    "SequenceVariant": "SP_MP",
    "SoftwareVersions": "syngo_MR_B17",
    "dataset": "ds003083",
    "modality": "T1w",
    "subject_id": "1017"
  },
  "cjv": 0.32381275512491975,
  "cnr": 4.101141457041257,
  "efc": 0.5439189710009759,
  "fber": 11009.933380646047,
  "fwhm_avg": 4.048443570122502,
  "fwhm_x": 4.01215,
  "fwhm_y": 4.29413,
  "fwhm_z": 3.839050710367505,
  "icvs_csf": 0.2515673121574197,
  "icvs_gm": 0.42474614918013814,
  "icvs_wm": 0.3236865386624422,
  "inu_med": 0.4981077015399933,
  "inu_range": 0.14300251305103306,
  "provenance": {
    "md5sum": "408537227f4cd144dc75f5fcdb8fd913",
    "settings": {
      "testing": false
    },
    "software": "mriqc",
    "version": "22.0.1",
    "warnings": {
      "large_rot_frame": true,
      "small_air_mask": false
    },
    "webapi_port": null,
    "webapi_url": "https://mriqc.nimh.nih.gov/api/v1"
  },
  "qi_1": 0.0,
  "qi_2": 0.00466987484514796,
  "rpve_csf": 19.877076075276012,
  "rpve_gm": 11.648262340059249,
  "rpve_wm": 18.040762808743548,
  "size_x": 256,
  "size_y": 256,
  "size_z": 160,
  "snr_csf": 1.9008014767658559,
  "snr_gm": 6.963003609783086,
  "snr_total": 9.346081241356709,
  "snr_wm": 19.17443863752118,
  "snrd_csf": 23.116635554940007,
  "snrd_gm": 73.32171357390396,
  "snrd_total": 73.66425836985773,
  "snrd_wm": 124.55442598072922,
  "spacing_x": 1.0,
  "spacing_y": 1.0,
  "spacing_z": 1.0000076293945312,
  "summary_bg_k": 2.841564164100494,
  "summary_bg_mad": 5.259840321756276,
  "summary_bg_mean": 10.183382349299922,
  "summary_bg_median": 3.547708384692669,
  "summary_bg_n": 1829982.0,
  "summary_bg_p05": 0.0,
  "summary_bg_p95": 38.962913597002625,
  "summary_bg_stdv": 13.859162586445768,
  "summary_csf_k": 0.007113094799450881,
  "summary_csf_mad": 103.79010495372559,
  "summary_csf_mean": 189.47999791368719,
  "summary_csf_median": 185.59465142711997,
  "summary_csf_n": 28045.0,
  "summary_csf_p05": 39.56107373163104,
  "summary_csf_p95": 356.1115422192961,
  "summary_csf_stdv": 97.63846713809733,
  "summary_gm_k": 0.11737196036594444,
  "summary_gm_mad": 83.65286744281566,
  "summary_gm_mean": 587.8586738213738,
  "summary_gm_median": 588.6720773205161,
  "summary_gm_n": 38748.0,
  "summary_gm_p05": 447.0122877818532,
  "summary_gm_p95": 724.5163065157831,
  "summary_gm_stdv": 84.54174578965129,
  "summary_wm_k": 0.405420279282954,
  "summary_wm_mad": 49.540356518867256,
  "summary_wm_mean": 996.7408517288767,
  "summary_wm_median": 999.9999878294766,
  "summary_wm_n": 182659.0,
  "summary_wm_p05": 907.4914290774614,
  "summary_wm_p95": 1078.7508634850383,
  "summary_wm_stdv": 52.152622008331946,
  "tpm_overlap_csf": 0.14034551749522686,
  "tpm_overlap_gm": 0.47587716867411334,
  "tpm_overlap_wm": 0.49688503280862767,
  "wm2max": 0.8528356318603997
}