{
  "bids_meta": {
    "EchoTime": 0.00336,
    "FlipAngle": 9,
    "ImageType": [
      "ORIGINAL",
      "PRIMARY",
      "M",
      "ND",
      "NORM"
    ],
    "MagneticFieldStrength": 3,
    "Manufacturer": "Siemens",
    "ManufacturersModelName": "TrioTim",
    "PhaseEncodingDirection": "i-",
    "RepetitionTime": 2.3,
    "ScanningSequence": "GR_IR",
    "SequenceName": "_tfl3d1",
    "SequenceVariant": "SP_MP",
    "SoftwareVersions": "syngo_MR_B17",
    "dataset": "ds003083",
    "modality": "T1w",
    "subject_id": "1021"
  },
  "cjv": 0.32018251035807366,
  "cnr": 4.074113381510757,
  "efc": 0.5044746378235414,
  "fber": 16684.027777777777,
  "fwhm_avg": 3.9371816703795255,
  "fwhm_x": 3.8595,
  "fwhm_y": 4.18409,
  "fwhm_z": 3.767955011138576,
  "icvs_csf": 0.2513157593556135,
  "icvs_gm": 0.4191323133052559,
  "icvs_wm": 0.32955192733913063,
  "inu_med": 0.4988475888967514,
  "inu_range": 0.1285756573081016,
  "provenance": {
    "md5sum": "5d641a18d78f99be179d14de3f14d685",
    "settings": {
      "testing": false
    },
    "software": "mriqc",
    "version": "22.0.1",
    "warnings": {
      "large_rot_frame": true,
      "small_air_mask": false
    },
    "webapi_port": null,
    "webapi_url": "https://mriqc.nimh.nih.gov/api/v1"
  },
  "qi_1": 0.0,
  "qi_2": 0.00472062733758785,
  "rpve_csf": 22.630417533493763,
  "rpve_gm": 13.308993575466408,
  "rpve_wm": 19.984010811536137,
  "size_x": 256,
  "size_y": 256,
  "size_z": 160,
  "snr_csf": 1.7055864984609987,
  "snr_gm": 6.895137264805271,
  "snr_total": 9.825772593995055,
  "snr_wm": 20.876594018718894,
  "snrd_csf": 23.354217995514265,
  "snrd_gm": 82.52659943043786,
  "snrd_total": 81.53450130269873,
  "snrd_wm": 138.72268648214407,
  "spacing_x": 1.0,
  "spacing_y": 1.0,
  "spacing_z": 1.000030517578125,
  "summary_bg_k": 4.422372131021054,
  "summary_bg_mad": 4.722633254250164,
  "summary_bg_mean": 8.553412511404005,
  "summary_bg_median": 3.185367723926902,
  "summary_bg_n": 2106257.0,
  "summary_bg_p05": 0.0,
  "summary_bg_p95": 34.05260850675404,
  "summary_bg_stdv": 12.183702723311816,
  "summary_csf_k": 0.6146031126840716,
  "summary_csf_mad": 100.3940424048664,
  "summary_csf_mean": 177.58607056919038,
  "summary_csf_median": 168.35182189941406,
  "summary_csf_n": 24557.0,
  "summary_csf_p05": 34.07315926626325,
  "summary_csf_p95": 349.77803699858487,
  "summary_csf_stdv": 98.70410808234172,
  "summary_gm_k": 0.157153497600929,
  "summary_gm_mad": 83.60584290104808,
  "summary_gm_mean": 595.6021045025825,
  "summary_gm_median": 594.90338627249,
  "summary_gm_n": 35184.0,
  "summary_gm_p05": 452.8832525322214,
  "summary_gm_p95": 740.5168203129432,
  "summary_gm_stdv": 86.27746035948141,
  "summary_wm_k": 0.25794646074522465,
  "summary_wm_mad": 46.09899428180967,
  "summary_wm_mean": 997.812435777134,
  "summary_wm_median": 999.9999577179551,
  "summary_wm_n": 165918.0,
  "summary_wm_p05": 916.81048322469,
  "summary_wm_p95": 1074.475910179317,
  "summary_wm_stdv": 47.90038754789657,
  "tpm_overlap_csf": 0.14121320646651087,
  "tpm_overlap_gm": 0.4739777682067876,
  "tpm_overlap_wm": 0.5098072180208063,
  "wm2max": 0.8223484080308254
}