{
  "bids_meta": {
    "EchoTime": 0.00336,
    "FlipAngle": 9,
    "ImageType": [
      "ORIGINAL",
      "PRIMARY",
      "M",
      "ND",
      "NORM"
    ],
    "MagneticFieldStrength": 3,
    "Manufacturer": "Siemens",
    "ManufacturersModelName": "TrioTim",
    "PhaseEncodingDirection": "i-",
    "RepetitionTime": 2.3,
    "ScanningSequence": "GR_IR",
    "SequenceName": "_tfl3d1",
    "SequenceVariant": "SP_MP",
    "SoftwareVersions": "syngo_MR_B17",
    "dataset": "ds003083",
    "modality": "T1w",
    "subject_id": "1005"
  },
  "cjv": 0.33216569496403314,
  "cnr": 3.8871499016123097,
  "efc": 0.5062303361312718,
  "fber": 11906.362358031367,
  "fwhm_avg": 4.553422519722286,
  "fwhm_x": 4.54468,
  "fwhm_y": 4.68803,
  "fwhm_z": 4.427557559166857,
  "icvs_csf": 0.24799469179379194,
  "icvs_gm": 0.4167833361106482,
  "icvs_wm": 0.3352219720955598,
  "inu_med": 0.5898555517196655,
  "inu_range": 0.348842304944992,
  "provenance": {
    "md5sum": "bfb32bdadd3a8fa245da52b6c8c19fa7",
    "settings": {
      "testing": false
    },
    "software": "mriqc",
    "version": "22.0.1",
    "warnings": {
      "large_rot_frame": true,
      "small_air_mask": false
    },
    "webapi_port": null,
    "webapi_url": "https://mriqc.nimh.nih.gov/api/v1"
  },
  "qi_1": 0.0,
  "qi_2": 0.00466880235432836,
  "rpve_csf": 23.770566792285727,
  "rpve_gm": 13.714467827407494,
  "rpve_wm": 19.911433692304165,
  "size_x": 256,
  "size_y": 256,
  "size_z": 160,
  "snr_csf": 2.1519076222622773,
  "snr_gm": 8.185049886248509,
  "snr_total": 9.465236184240801,
  "snr_wm": 18.058751044211615,
  "snrd_csf": 25.214372894650754,
  "snrd_gm": 71.50384931390768,
  "snrd_total": 70.17319094464618,
  "snrd_wm": 113.80135062538011,
  "spacing_x": 1.0,
  "spacing_y": 1.0,
  "spacing_z": 0.9999847412109375,
  "summary_bg_k": 6.215285880247992,
  "summary_bg_mad": 5.756993989197812,
  "summary_bg_mean": 9.420614102101037,
  "summary_bg_median": 3.883033437654376,
  "summary_bg_n": 2076633.0,
  "summary_bg_p05": 0.0,
  "summary_bg_p95": 37.060516415163875,
  "summary_bg_stdv": 13.555799227955614,
  "summary_csf_k": 0.2691846675680516,
  "summary_csf_mad": 100.29701773017412,
  "summary_csf_mean": 225.60534546467113,
  "summary_csf_median": 221.5706426873803,
  "summary_csf_n": 35469.0,
  "summary_csf_p05": 60.80777532979846,
  "summary_csf_p95": 404.47472519762806,
  "summary_csf_stdv": 102.96330424799751,
  "summary_gm_k": 0.16311965497270764,
  "summary_gm_mad": 73.95974931020454,
  "summary_gm_mean": 630.0646806643981,
  "summary_gm_median": 628.3382066767663,
  "summary_gm_n": 23830.0,
  "summary_gm_p05": 505.79812424629927,
  "summary_gm_p95": 760.5634197869338,
  "summary_gm_stdv": 76.76495946955467,
  "summary_wm_k": 0.8036462386162282,
  "summary_wm_mad": 49.50231566221792,
  "summary_wm_mean": 996.1693136206343,
  "summary_wm_median": 1000.0263937599957,
  "summary_wm_n": 155153.0,
  "summary_wm_p05": 898.7505420595407,
  "summary_wm_p95": 1081.834247885272,
  "summary_wm_stdv": 55.37609819173378,
  "tpm_overlap_csf": 0.13886732832149046,
  "tpm_overlap_gm": 0.45344875644830623,
  "tpm_overlap_wm": 0.48113166899036375,
  "wm2max": 0.7194739542750718
}