{
  "bids_meta": {
    "EchoTime": 0.00336,
    "FlipAngle": 9,
    "ImageType": [
      "ORIGINAL",
      "PRIMARY",
      "M",
      "ND",
      "NORM"
    ],
    "MagneticFieldStrength": 3,
    "Manufacturer": "Siemens",
    "ManufacturersModelName": "TrioTim",
    "PhaseEncodingDirection": "i-",
    "RepetitionTime": 2.3,
    "ScanningSequence": "GR_IR",
    "SequenceName": "_tfl3d1",
    "SequenceVariant": "SP_MP",
    "SoftwareVersions": "syngo_MR_B17",
    "dataset": "ds003083",
    "modality": "T1w",
    "subject_id": "1027"
  },
  "cjv": 0.31519114116011915,
  "cnr": 4.238815697802522,
  "efc": 0.5290513974782542,
  "fber": 5245.380625000001,
  "fwhm_avg": 4.517407533931991,
  "fwhm_x": 4.57173,
  "fwhm_y": 4.70731,
  "fwhm_z": 4.273182601795973,
  "icvs_csf": 0.28221574088189316,
  "icvs_gm": 0.4013581488163444,
  "icvs_wm": 0.31642611030176243,
  "inu_med": 0.6923659443855286,
  "inu_range": 0.1903121113777161,
  "provenance": {
    "md5sum": "3e5515893fabeaf71582cab71411a28b",
    "settings": {
      "testing": false
    },
    "software": "mriqc",
    "version": "22.0.1",
    "warnings": {
      "large_rot_frame": true,
      "small_air_mask": false
    },
    "webapi_port": null,
    "webapi_url": "https://mriqc.nimh.nih.gov/api/v1"
  },
  "qi_1": 0.0,
  "qi_2": 0.002653310882790765,
  "rpve_csf": 20.460525436323675,
  "rpve_gm": 13.35500157493326,
  "rpve_wm": 20.094039783615383,
  "size_x": 256,
  "size_y": 256,
  "size_z": 160,
  "snr_csf": 1.7867530502458777,
  "snr_gm": 7.254076850333467,
  "snr_total": 8.760040273953784,
  "snr_wm": 17.239290921282006,
  "snrd_csf": 5.514373444825274,
  "snrd_gm": 21.132886956640565,
  "snrd_total": 21.10688477965921,
  "snrd_wm": 36.6733939375118,
  "spacing_x": 1.0,
  "spacing_y": 1.0,
  "spacing_z": 0.9999923706054688,
  "summary_bg_k": 15.830543603798816,
  "summary_bg_mad": 0.0,
  "summary_bg_mean": 11.487886245562683,
  "summary_bg_median": 0.0,
  "summary_bg_n": 1822636.0,
  "summary_bg_p05": 0.0,
  "summary_bg_p95": 47.64139136299491,
  "summary_bg_stdv": 17.864637623445248,
  "summary_csf_k": 0.523713608209587,
  "summary_csf_mad": 83.2943438078371,
  "summary_csf_mean": 161.4660068522735,
  "summary_csf_median": 150.36911902949214,
  "summary_csf_n": 25054.0,
  "summary_csf_p05": 41.9372497247532,
  "summary_csf_p95": 313.8044292423873,
  "summary_csf_stdv": 84.15607186366324,
  "summary_gm_k": 0.2118092505825664,
  "summary_gm_mad": 77.5898870771222,
  "summary_gm_mean": 573.9331554975837,
  "summary_gm_median": 576.2637634202838,
  "summary_gm_n": 26056.0,
  "summary_gm_p05": 440.244932170026,
  "summary_gm_p95": 699.887386970222,
  "summary_gm_stdv": 79.4384615748667,
  "summary_wm_k": 0.3683434267955521,
  "summary_wm_mad": 55.97788027620233,
  "summary_wm_mean": 998.7489602637978,
  "summary_wm_median": 1000.0312806852162,
  "summary_wm_n": 162814.0,
  "summary_wm_p05": 901.4639634266496,
  "summary_wm_p95": 1091.4039032533765,
  "summary_wm_stdv": 58.008662546608335,
  "tpm_overlap_csf": 0.13683428954652838,
  "tpm_overlap_gm": 0.45124007578899594,
  "tpm_overlap_wm": 0.4971699559180173,
  "wm2max": 0.5545167557066537
}