{
  "bids_meta": {
    "EchoTime": 0.00336,
    "FlipAngle": 9,
    "ImageType": [
      "ORIGINAL",
      "PRIMARY",
      "M",
      "ND",
      "NORM"
    ],
    "MagneticFieldStrength": 3,
    "Manufacturer": "Siemens",
    "ManufacturersModelName": "TrioTim",
    "PhaseEncodingDirection": "i-",
    "RepetitionTime": 2.3,
    "ScanningSequence": "GR_IR",
    "SequenceName": "_tfl3d1",
    "SequenceVariant": "SP_MP",
    "SoftwareVersions": "syngo_MR_B17",
    "dataset": "ds003083",
    "modality": "T1w",
    "subject_id": "1010"
  },
  "cjv": 0.3579436881608845,
  "cnr": 3.787035120296028,
  "efc": 0.5364761944709963,
  "fber": 14341.597797501645,
  "fwhm_avg": 3.8389233333333337,
  "fwhm_x": 3.59883,
  "fwhm_y": 4.16246,
  "fwhm_z": 3.75548,
  "icvs_csf": 0.24951469327657033,
  "icvs_gm": 0.4382345466482159,
  "icvs_wm": 0.3122507600752138,
  "inu_med": 0.6777937710285187,
  "inu_range": 0.27306684255599967,
  "provenance": {
    "md5sum": "c9750cdbbeb660dd4da3f2bca0f9e0a9",
    "settings": {
      "testing": false
    },
    "software": "mriqc",
    "version": "22.0.1",
    "warnings": {
      "large_rot_frame": true,
      "small_air_mask": false
    },
    "webapi_port": null,
    "webapi_url": "https://mriqc.nimh.nih.gov/api/v1"
  },
  "qi_1": 0.0,
  "qi_2": 0.0036451216684333684,
  "rpve_csf": 25.5218660105517,
  "rpve_gm": 14.353141497570892,
  "rpve_wm": 22.014978749651462,
  "size_x": 256,
  "size_y": 256,
  "size_z": 160,
  "snr_csf": 2.2862027931000766,
  "snr_gm": 9.709112208225092,
  "snr_total": 9.931615292506082,
  "snr_wm": 17.799530876193078,
  "snrd_csf": 8.23428346387789,
  "snrd_gm": 27.32111312001798,
  "snrd_total": 25.639278338912494,
  "snrd_wm": 41.362438432841614,
  "spacing_x": 1.0,
  "spacing_y": 1.0,
  "spacing_z": 1.0,
  "summary_bg_k": 47.040415425551785,
  "summary_bg_mad": 0.0,
  "summary_bg_mean": 10.139747507348341,
  "summary_bg_median": 0.0,
  "summary_bg_n": 2003532.0,
  "summary_bg_p05": 0.0,
  "summary_bg_p95": 41.10095143318176,
  "summary_bg_stdv": 15.83843353305008,
  "summary_csf_k": 1.9140155496209585,
  "summary_csf_mad": 65.0900763256573,
  "summary_csf_mean": 212.7100703196663,
  "summary_csf_median": 199.07022619247437,
  "summary_csf_n": 42291.0,
  "summary_csf_p05": 90.52984845638275,
  "summary_csf_p95": 381.9771568775177,
  "summary_csf_stdv": 87.0735847242605,
  "summary_gm_k": 0.1548066317428951,
  "summary_gm_mad": 67.1897562071301,
  "summary_gm_mean": 658.585729849373,
  "summary_gm_median": 660.5092225074768,
  "summary_gm_n": 28717.0,
  "summary_gm_p05": 542.748069524765,
  "summary_gm_p95": 766.4480793476105,
  "summary_gm_stdv": 68.02864236449325,
  "summary_wm_k": 0.2959234332496363,
  "summary_wm_mad": 54.31780562940545,
  "summary_wm_mean": 999.4657770386477,
  "summary_wm_median": 999.9692153930664,
  "summary_wm_n": 115398.0,
  "summary_wm_p05": 905.8526546955109,
  "summary_wm_p95": 1091.0378403663635,
  "summary_wm_stdv": 56.179283018284224,
  "tpm_overlap_csf": 0.13922125120220652,
  "tpm_overlap_gm": 0.44864515943570665,
  "tpm_overlap_wm": 0.4489194786386077,
  "wm2max": 0.5955698987824556
}