{
  "bids_meta": {
    "EchoTime": 0.00336,
    "FlipAngle": 9,
    "ImageType": [
      "ORIGINAL",
      "PRIMARY",
      "M",
      "ND",
      "NORM"
    ],
    "MagneticFieldStrength": 3,
    "Manufacturer": "Siemens",
    "ManufacturersModelName": "TrioTim",
    "PhaseEncodingDirection": "i-",
    "RepetitionTime": 2.3,
    "ScanningSequence": "GR_IR",
    "SequenceName": "_tfl3d1",
    "SequenceVariant": "SP_MP",
    "SoftwareVersions": "syngo_MR_B17",
    "dataset": "ds003083",
    "modality": "T1w",
    "subject_id": "1016"
  },
  "cjv": 0.3146678124345818,
  "cnr": 4.20231797638126,
  "efc": 0.5124927434498066,
  "fber": 24438.816442266885,
  "fwhm_avg": 4.330739899981048,
  "fwhm_x": 4.29201,
  "fwhm_y": 4.578109454246825,
  "fwhm_z": 4.122100245696321,
  "icvs_csf": 0.24671671047907184,
  "icvs_gm": 0.4016832430998867,
  "icvs_wm": 0.3516000464210415,
  "inu_med": 0.4561671316623688,
  "inu_range": 0.1209452748298645,
  "provenance": {
    "md5sum": "c7261c10d213505e18a1246c85b80de7",
    "settings": {
      "testing": false
    },
    "software": "mriqc",
    "version": "22.0.1",
    "warnings": {
      "large_rot_frame": true,
      "small_air_mask": false
    },
    "webapi_port": null,
    "webapi_url": "https://mriqc.nimh.nih.gov/api/v1"
  },
  "qi_1": 0.0,
  "qi_2": 0.005354457338577614,
  "rpve_csf": 20.278235942238126,
  "rpve_gm": 12.057842836246216,
  "rpve_wm": 16.746639464050585,
  "size_x": 256,
  "size_y": 256,
  "size_z": 160,
  "snr_csf": 1.9633056786983045,
  "snr_gm": 7.19698177790393,
  "snr_total": 10.145817823134168,
  "snr_wm": 21.27716601280027,
  "snrd_csf": 30.306063245169813,
  "snrd_gm": 93.51304157466856,
  "snrd_total": 93.5248681212734,
  "snrd_wm": 156.7554995439818,
  "spacing_x": 1.0,
  "spacing_y": 1.0000001192092896,
  "spacing_z": 0.9999999403953552,
  "summary_bg_k": 3.9955582982971283,
  "summary_bg_mad": 4.179265829929017,
  "summary_bg_mean": 8.092405751263417,
  "summary_bg_median": 2.8188719656318426,
  "summary_bg_n": 2133975.0,
  "summary_bg_p05": 0.0,
  "summary_bg_p95": 32.83882961422205,
  "summary_bg_stdv": 11.738846350249,
  "summary_csf_k": 0.06625921020995085,
  "summary_csf_mad": 103.47496127824252,
  "summary_csf_mean": 198.52111278132276,
  "summary_csf_median": 193.32935028523207,
  "summary_csf_n": 33264.0,
  "summary_csf_p05": 45.83136029085145,
  "summary_csf_p95": 364.8453639692627,
  "summary_csf_stdv": 98.46986456376305,
  "summary_gm_k": 0.13342430884024248,
  "summary_gm_mad": 81.5566948636148,
  "summary_gm_mean": 596.4005118291396,
  "summary_gm_median": 596.5412077633664,
  "summary_gm_n": 29302.0,
  "summary_gm_p05": 458.8403410276398,
  "summary_gm_p95": 731.4818433006291,
  "summary_gm_stdv": 82.88627745574017,
  "summary_wm_k": 0.28648388612295017,
  "summary_wm_mad": 45.39231791922903,
  "summary_wm_mean": 997.8207889595716,
  "summary_wm_median": 999.9793980270624,
  "summary_wm_n": 213008.0,
  "summary_wm_p05": 917.2444770503789,
  "summary_wm_p95": 1071.5828610956669,
  "summary_wm_stdv": 46.997661725316554,
  "tpm_overlap_csf": 0.14444193535792163,
  "tpm_overlap_gm": 0.46784103193587256,
  "tpm_overlap_wm": 0.5296215664160221,
  "wm2max": 0.8442776735459663
}