{
  "bids_meta": {
    "EchoTime": 0.00336,
    "FlipAngle": 9,
    "ImageType": [
      "ORIGINAL",
      "PRIMARY",
      "M",
      "ND",
      "NORM"
    ],
    "MagneticFieldStrength": 3,
    "Manufacturer": "Siemens",
    "ManufacturersModelName": "TrioTim",
    "PhaseEncodingDirection": "i-",
    "RepetitionTime": 2.3,
    "ScanningSequence": "GR_IR",
    "SequenceName": "_tfl3d1",
    "SequenceVariant": "SP_MP",
    "SoftwareVersions": "syngo_MR_B17",
    "dataset": "ds003083",
    "modality": "T1w",
    "subject_id": "1030"
  },
  "cjv": 0.2923455453593389,
  "cnr": 4.526029483837222,
  "efc": 0.5192123420751183,
  "fber": 17444.88761211657,
  "fwhm_avg": 4.208918024329486,
  "fwhm_x": 4.268220254405753,
  "fwhm_y": 4.32314,
  "fwhm_z": 4.035393818582704,
  "icvs_csf": 0.26514150567598543,
  "icvs_gm": 0.4110414449471571,
  "icvs_wm": 0.32381704937685746,
  "inu_med": 0.476529523730278,
  "inu_range": 0.11445203721523278,
  "provenance": {
    "md5sum": "8b071a0b7131f2250308647ccf956427",
    "settings": {
      "testing": false
    },
    "software": "mriqc",
    "version": "22.0.1",
    "warnings": {
      "large_rot_frame": true,
      "small_air_mask": false
    },
    "webapi_port": null,
    "webapi_url": "https://mriqc.nimh.nih.gov/api/v1"
  },
  "qi_1": 0.0,
  "qi_2": 0.004669626224546807,
  "rpve_csf": 18.870626736826438,
  "rpve_gm": 11.640134718693572,
  "rpve_wm": 17.64839350217204,
  "size_x": 256,
  "size_y": 256,
  "size_z": 160,
  "snr_csf": 1.6623444993270753,
  "snr_gm": 6.887187487214689,
  "snr_total": 9.82856550008004,
  "snr_wm": 20.936164513698355,
  "snrd_csf": 24.160322300653075,
  "snrd_gm": 86.18390449339294,
  "snrd_total": 87.51463196622575,
  "snrd_wm": 152.19966910463123,
  "spacing_x": 0.9999999403953552,
  "spacing_y": 1.0,
  "spacing_z": 1.0000114440917969,
  "summary_bg_k": 8.741925005767241,
  "summary_bg_mad": 4.304367472207648,
  "summary_bg_mean": 8.106890858595875,
  "summary_bg_median": 2.903251741081476,
  "summary_bg_n": 1959458.0,
  "summary_bg_p05": 0.0,
  "summary_bg_p95": 33.11709227412939,
  "summary_bg_stdv": 11.95335290093619,
  "summary_csf_k": 0.23660070525162613,
  "summary_csf_mad": 99.44573125445255,
  "summary_csf_mean": 168.26575039643103,
  "summary_csf_median": 158.73779174685478,
  "summary_csf_n": 28323.0,
  "summary_csf_p05": 29.174676633998754,
  "summary_csf_p95": 338.79346024356767,
  "summary_csf_stdv": 95.48862435507235,
  "summary_gm_k": 0.035418925197802764,
  "summary_gm_mad": 82.21341871916607,
  "summary_gm_mean": 565.613149426391,
  "summary_gm_median": 566.244212852791,
  "summary_gm_n": 36454.0,
  "summary_gm_p05": 427.95932906121016,
  "summary_gm_p95": 697.8155772734433,
  "summary_gm_stdv": 82.2159186594896,
  "summary_wm_k": 0.511506255727677,
  "summary_wm_mad": 44.58730995348888,
  "summary_wm_mean": 996.0924467443315,
  "summary_wm_median": 999.9800117574632,
  "summary_wm_n": 193864.0,
  "summary_wm_p05": 912.3018091768026,
  "summary_wm_p95": 1069.638031117618,
  "summary_wm_stdv": 47.76316273325886,
  "tpm_overlap_csf": 0.14156110223240967,
  "tpm_overlap_gm": 0.4835170843304657,
  "tpm_overlap_wm": 0.5190813023220964,
  "wm2max": 0.8639312217820755
}