{
  "bids_meta": {
    "EchoTime": 0.00336,
    "FlipAngle": 9,
    "ImageType": [
      "ORIGINAL",
      "PRIMARY",
      "M",
      "ND",
      "NORM"
    ],
    "MagneticFieldStrength": 3,
    "Manufacturer": "Siemens",
    "ManufacturersModelName": "TrioTim",
    "PhaseEncodingDirection": "i-",
    "RepetitionTime": 2.3,
    "ScanningSequence": "GR_IR",
    "SequenceName": "_tfl3d1",
    "SequenceVariant": "SP_MP",
    "SoftwareVersions": "syngo_MR_B17",
    "dataset": "ds003083",
    "modality": "T1w",
    "subject_id": "1022"
  },
  "cjv": 0.32416771459816807,
  "cnr": 4.117817095060877,
  "efc": 0.545147261350419,
  "fber": 6332.23512854194,
  "fwhm_avg": 4.184858243429519,
  "fwhm_x": 4.21562,
  "fwhm_y": 4.30346,
  "fwhm_z": 4.035494730288557,
  "icvs_csf": 0.25750224592581317,
  "icvs_gm": 0.4052615368743504,
  "icvs_wm": 0.33723621719983643,
  "inu_med": 0.674997866153717,
  "inu_range": 0.2689849376678466,
  "provenance": {
    "md5sum": "ba6f6209be5ac2d780ff6b83de4be33b",
    "settings": {
      "testing": false
    },
    "software": "mriqc",
    "version": "22.0.1",
    "warnings": {
      "large_rot_frame": true,
      "small_air_mask": false
    },
    "webapi_port": null,
    "webapi_url": "https://mriqc.nimh.nih.gov/api/v1"
  },
  "qi_1": 0.0,
  "qi_2": 0.004135391593918434,
  "rpve_csf": 20.034046250346762,
  "rpve_gm": 12.135070396889262,
  "rpve_wm": 17.593514006536665,
  "size_x": 256,
  "size_y": 256,
  "size_z": 160,
  "snr_csf": 1.6999378811266899,
  "snr_gm": 7.060203846214355,
  "snr_total": 8.9739964819542,
  "snr_wm": 18.161847718521557,
  "snrd_csf": 14.630813965685316,
  "snrd_gm": 52.726352863283665,
  "snrd_total": 52.496257589188055,
  "snrd_wm": 90.13160593859519,
  "spacing_x": 1.0,
  "spacing_y": 1.0,
  "spacing_z": 0.9999542236328125,
  "summary_bg_k": 19.181776860418985,
  "summary_bg_mad": 7.268563936389143,
  "summary_bg_mean": 11.3693550478417,
  "summary_bg_median": 4.902571873739362,
  "summary_bg_n": 1794235.0,
  "summary_bg_p05": 0.0,
  "summary_bg_p95": 42.79363584704697,
  "summary_bg_stdv": 16.140152506464798,
  "summary_csf_k": 0.12087769005478766,
  "summary_csf_mad": 102.10895043972658,
  "summary_csf_mean": 172.27013711573727,
  "summary_csf_median": 162.32498568389565,
  "summary_csf_n": 30730.0,
  "summary_csf_p05": 35.75830671750009,
  "summary_csf_p95": 342.15519975312054,
  "summary_csf_stdv": 95.48722121913208,
  "summary_gm_k": 0.07381908100102441,
  "summary_gm_mad": 81.76107795113438,
  "summary_gm_mean": 584.1158301879378,
  "summary_gm_median": 584.9848473072052,
  "summary_gm_n": 22955.0,
  "summary_gm_p05": 444.85161634217945,
  "summary_gm_p95": 717.3598275274037,
  "summary_gm_stdv": 82.85484639231879,
  "summary_wm_k": 0.36914100548881645,
  "summary_wm_mad": 52.768952871525705,
  "summary_wm_mean": 998.7906049777149,
  "summary_wm_median": 999.9861715119332,
  "summary_wm_n": 186803.0,
  "summary_wm_p05": 905.8124745022506,
  "summary_wm_p95": 1086.6536709070206,
  "summary_wm_stdv": 55.059568300918706,
  "tpm_overlap_csf": 0.14599778262741558,
  "tpm_overlap_gm": 0.45343577846463506,
  "tpm_overlap_wm": 0.49693244736609055,
  "wm2max": 0.6274963065959851
}