{
  "bids_meta": {
    "EchoTime": 0.00336,
    "FlipAngle": 9,
    "ImageType": [
      "ORIGINAL",
      "PRIMARY",
      "M",
      "ND",
      "NORM"
    ],
    "MagneticFieldStrength": 3,
    "Manufacturer": "Siemens",
    "ManufacturersModelName": "TrioTim",
    "PhaseEncodingDirection": "i-",
    "RepetitionTime": 2.3,
    "ScanningSequence": "GR_IR",
    "SequenceName": "_tfl3d1",
    "SequenceVariant": "SP_MP",
    "SoftwareVersions": "syngo_MR_B17",
    "dataset": "ds003083",
    "modality": "T1w",
    "subject_id": "1025"
  },
  "cjv": 0.31435047792023424,
  "cnr": 4.168052457917188,
  "efc": 0.5614261329243802,
  "fber": 8920.609745939193,
  "fwhm_avg": 4.286270312971325,
  "fwhm_x": 4.37752,
  "fwhm_y": 4.39337,
  "fwhm_z": 4.0879209389139755,
  "icvs_csf": 0.2538401788515595,
  "icvs_gm": 0.4067920126180478,
  "icvs_wm": 0.33936780853039267,
  "inu_med": 0.6177787780761719,
  "inu_range": 0.24917778968811022,
  "provenance": {
    "md5sum": "3f3b07d1579e490e57904864489b0615",
    "settings": {
      "testing": false
    },
    "software": "mriqc",
    "version": "22.0.1",
    "warnings": {
      "large_rot_frame": true,
      "small_air_mask": false
    },
    "webapi_port": null,
    "webapi_url": "https://mriqc.nimh.nih.gov/api/v1"
  },
  "qi_1": 0.0,
  "qi_2": 0.00230821576760635,
  "rpve_csf": 20.306159229276254,
  "rpve_gm": 12.235973644259076,
  "rpve_wm": 17.699219433473477,
  "size_x": 256,
  "size_y": 256,
  "size_z": 160,
  "snr_csf": 1.6986071435256105,
  "snr_gm": 7.068964571199272,
  "snr_total": 9.574298964115252,
  "snr_wm": 19.955325177620878,
  "snrd_csf": 18.8747076067611,
  "snrd_gm": 68.10877122345468,
  "snrd_total": 67.555939511855,
  "snrd_wm": 115.68433970534923,
  "spacing_x": 1.0,
  "spacing_y": 1.0,
  "spacing_z": 0.999931275844574,
  "summary_bg_k": 33.46299742204864,
  "summary_bg_mad": 5.662997579692984,
  "summary_bg_mean": 10.627920687838222,
  "summary_bg_median": 3.819633822888136,
  "summary_bg_n": 1711880.0,
  "summary_bg_p05": 0.0,
  "summary_bg_p95": 39.93253542110324,
  "summary_bg_stdv": 16.965341717555553,
  "summary_csf_k": 0.5729343681229104,
  "summary_csf_mad": 92.88786939158751,
  "summary_csf_mean": 175.52343761084018,
  "summary_csf_median": 163.15293043479323,
  "summary_csf_n": 26822.0,
  "summary_csf_p05": 37.155860054399824,
  "summary_csf_p95": 354.00936735318965,
  "summary_csf_stdv": 96.049218694871,
  "summary_gm_k": 0.1746239091601991,
  "summary_gm_mad": 81.39639703019753,
  "summary_gm_mean": 588.2139663216699,
  "summary_gm_median": 588.7320664739236,
  "summary_gm_n": 28992.0,
  "summary_gm_p05": 449.65026996843517,
  "summary_gm_p95": 724.3910742290318,
  "summary_gm_stdv": 83.28262323327716,
  "summary_wm_k": 0.36081327676217434,
  "summary_wm_mad": 47.87807044649523,
  "summary_wm_mean": 998.6320283826418,
  "summary_wm_median": 999.9751742687076,
  "summary_wm_n": 196833.0,
  "summary_wm_p05": 914.097900578007,
  "summary_wm_p95": 1078.8233296126127,
  "summary_wm_stdv": 50.11056573638401,
  "tpm_overlap_csf": 0.1429607286361662,
  "tpm_overlap_gm": 0.4665809982993341,
  "tpm_overlap_wm": 0.5124161990757514,
  "wm2max": 0.710694706411183
}