{
  "bids_meta": {
    "EchoTime": 0.00336,
    "FlipAngle": 9,
    "ImageType": [
      "ORIGINAL",
      "PRIMARY",
      "M",
      "ND",
      "NORM"
    ],
    "MagneticFieldStrength": 3,
    "Manufacturer": "Siemens",
    "ManufacturersModelName": "TrioTim",
    "PhaseEncodingDirection": "i-",
    "RepetitionTime": 2.3,
    "ScanningSequence": "GR_IR",
    "SequenceName": "_tfl3d1",
    "SequenceVariant": "SP_MP",
    "SoftwareVersions": "syngo_MR_B17",
    "dataset": "ds003083",
    "modality": "T1w",
    "subject_id": "1031"
  },
  "cjv": 0.3097122004767157,
  "cnr": 4.355863211570635,
  "efc": 0.5618255389924715,
  "fber": 5779.812541150342,
  "fwhm_avg": 4.291563179314238,
  "fwhm_x": 4.31107,
  "fwhm_y": 4.4231,
  "fwhm_z": 4.1405195379427155,
  "icvs_csf": 0.24327841142444237,
  "icvs_gm": 0.42267641577456694,
  "icvs_wm": 0.33404517280099066,
  "inu_med": 0.49558159708976746,
  "inu_range": 0.14274139702320093,
  "provenance": {
    "md5sum": "b1df313d2a4aa1a8cd47cbdc2acad2c4",
    "settings": {
      "testing": false
    },
    "software": "mriqc",
    "version": "22.0.1",
    "warnings": {
      "large_rot_frame": true,
      "small_air_mask": false
    },
    "webapi_port": null,
    "webapi_url": "https://mriqc.nimh.nih.gov/api/v1"
  },
  "qi_1": 0.0,
  "qi_2": 0.0019737704732249654,
  "rpve_csf": 21.227221739538336,
  "rpve_gm": 12.073356431284763,
  "rpve_wm": 17.694909898891062,
  "size_x": 256,
  "size_y": 256,
  "size_z": 160,
  "snr_csf": 2.040918879869495,
  "snr_gm": 9.119319098851136,
  "snr_total": 10.79101919378845,
  "snr_wm": 21.21281960264472,
  "snrd_csf": 24.704803159766346,
  "snrd_gm": 75.91241530137086,
  "snrd_total": 73.7800345735936,
  "snrd_wm": 120.72288525964359,
  "spacing_x": 1.0,
  "spacing_y": 1.0,
  "spacing_z": 0.9999542236328125,
  "summary_bg_k": 56.84603012467627,
  "summary_bg_mad": 5.4267787116906,
  "summary_bg_mean": 10.43639066178833,
  "summary_bg_median": 3.660306617617607,
  "summary_bg_n": 1768885.0,
  "summary_bg_p05": 0.0,
  "summary_bg_p95": 38.3911469951272,
  "summary_bg_stdv": 16.87395916196823,
  "summary_csf_k": -0.05759835626621346,
  "summary_csf_mad": 103.98207025733599,
  "summary_csf_mean": 206.9279223536876,
  "summary_csf_median": 204.6405906677246,
  "summary_csf_n": 34963.0,
  "summary_csf_p05": 47.52087729424238,
  "summary_csf_p95": 375.53062997162357,
  "summary_csf_stdv": 100.26741686524706,
  "summary_gm_k": 0.1103070767989669,
  "summary_gm_mad": 68.95751569855125,
  "summary_gm_mean": 628.2580083873893,
  "summary_gm_median": 628.8154334127903,
  "summary_gm_n": 39148.0,
  "summary_gm_p05": 513.4526662230492,
  "summary_gm_p95": 738.7929219007492,
  "summary_gm_stdv": 68.95332812534122,
  "summary_wm_k": 0.32972720294708724,
  "summary_wm_mad": 46.00286551576802,
  "summary_wm_mean": 998.3308395384186,
  "summary_wm_median": 999.999975182116,
  "summary_wm_n": 190950.0,
  "summary_wm_p05": 918.1363762293012,
  "summary_wm_p95": 1072.4698389619589,
  "summary_wm_stdv": 47.14118044767434,
  "tpm_overlap_csf": 0.13262072736251562,
  "tpm_overlap_gm": 0.46085114716506886,
  "tpm_overlap_wm": 0.48905026312866534,
  "wm2max": 0.8262275136873207
}