{
  "bids_meta": {
    "EchoTime": 0.00336,
    "FlipAngle": 9,
    "ImageType": [
      "ORIGINAL",
      "PRIMARY",
      "M",
      "ND",
      "NORM"
    ],
    "MagneticFieldStrength": 3,
    "Manufacturer": "Siemens",
    "ManufacturersModelName": "TrioTim",
    "PhaseEncodingDirection": "i-",
    "RepetitionTime": 2.3,
    "ScanningSequence": "GR_IR",
    "SequenceName": "_tfl3d1",
    "SequenceVariant": "SP_MP",
    "SoftwareVersions": "syngo_MR_B17",
    "dataset": "ds003083",
    "modality": "T1w",
    "subject_id": "1003"
  },
  "cjv": 0.3094100622430477,
  "cnr": 4.2879234161155555,
  "efc": 0.544979509585765,
  "fber": 16379.733611111113,
  "fwhm_avg": 4.316951704612505,
  "fwhm_x": 4.2795,
  "fwhm_y": 4.49157,
  "fwhm_z": 4.179785113837514,
  "icvs_csf": 0.22741559644143586,
  "icvs_gm": 0.42908114961911037,
  "icvs_wm": 0.3435032539394538,
  "inu_med": 0.5116430819034576,
  "inu_range": 0.18078883290290837,
  "provenance": {
    "md5sum": "6b0c20aa0930a2af195e8cf039a96eee",
    "settings": {
      "testing": false
    },
    "software": "mriqc",
    "version": "22.0.1",
    "warnings": {
      "large_rot_frame": true,
      "small_air_mask": false
    },
    "webapi_port": null,
    "webapi_url": "https://mriqc.nimh.nih.gov/api/v1"
  },
  "qi_1": 0.0,
  "qi_2": 0.0053090177881619065,
  "rpve_csf": 21.151218073857166,
  "rpve_gm": 11.37173862772951,
  "rpve_wm": 16.579728100669954,
  "size_x": 256,
  "size_y": 256,
  "size_z": 160,
  "snr_csf": 2.0958240094494087,
  "snr_gm": 8.766170331882256,
  "snr_total": 10.669735299614901,
  "snr_wm": 21.147211557513042,
  "snrd_csf": 26.131204527086197,
  "snrd_gm": 76.36455996849165,
  "snrd_total": 74.67217895517639,
  "snrd_wm": 121.5207723699513,
  "spacing_x": 1.0,
  "spacing_y": 1.0,
  "spacing_z": 0.99993896484375,
  "summary_bg_k": 5.0288056295756345,
  "summary_bg_mad": 5.391014196650369,
  "summary_bg_mean": 8.201290333103497,
  "summary_bg_median": 3.6361838188022375,
  "summary_bg_n": 1824524.0,
  "summary_bg_p05": 0.0,
  "summary_bg_p95": 32.37935114838183,
  "summary_bg_stdv": 11.627721600197907,
  "summary_csf_k": 0.028685764834353922,
  "summary_csf_mad": 104.51966299628266,
  "summary_csf_mean": 219.91780372437668,
  "summary_csf_median": 215.02956419624388,
  "summary_csf_n": 38398.0,
  "summary_csf_p05": 56.12214732849971,
  "summary_csf_p95": 394.1462475943379,
  "summary_csf_stdv": 102.59771965516889,
  "summary_gm_k": 0.23474353516666957,
  "summary_gm_mad": 69.71644889681872,
  "summary_gm_mean": 628.5876088285547,
  "summary_gm_median": 628.3919301554561,
  "summary_gm_n": 40639.0,
  "summary_gm_p05": 509.7533938851208,
  "summary_gm_p95": 745.5438361706211,
  "summary_gm_stdv": 71.68286434411544,
  "summary_wm_k": 0.45800596425979334,
  "summary_wm_mad": 45.25518039909221,
  "summary_wm_mean": 998.9223340502673,
  "summary_wm_median": 999.9752861149609,
  "summary_wm_n": 205393.0,
  "summary_wm_p05": 919.3361075483263,
  "summary_wm_p95": 1074.009967541322,
  "summary_wm_stdv": 47.28627455657849,
  "tpm_overlap_csf": 0.1504285319408954,
  "tpm_overlap_gm": 0.4858555801350647,
  "tpm_overlap_wm": 0.5276734172114508,
  "wm2max": 0.6966876917243994
}