{
  "bids_meta": {
    "EchoTime": 0.00336,
    "FlipAngle": 9,
    "ImageType": [
      "ORIGINAL",
      "PRIMARY",
      "M",
      "ND",
      "NORM"
    ],
    "MagneticFieldStrength": 3,
    "Manufacturer": "Siemens",
    "ManufacturersModelName": "TrioTim",
    "PhaseEncodingDirection": "i-",
    "RepetitionTime": 2.3,
    "ScanningSequence": "GR_IR",
    "SequenceName": "_tfl3d1",
    "SequenceVariant": "SP_MP",
    "SoftwareVersions": "syngo_MR_B17",
    "dataset": "ds003083",
    "modality": "T1w",
    "subject_id": "1004"
  },
  "cjv": 0.28662246624696275,
  "cnr": 4.483918328994945,
  "efc": 0.5272370917204205,
  "fber": 19718.231818845874,
  "fwhm_avg": 4.205942623500943,
  "fwhm_x": 4.09162,
  "fwhm_y": 4.48655,
  "fwhm_z": 4.039657870502829,
  "icvs_csf": 0.2275404977982682,
  "icvs_gm": 0.40649768739848435,
  "icvs_wm": 0.3659618148032474,
  "inu_med": 0.37514880299568176,
  "inu_range": 0.10482374429702757,
  "provenance": {
    "md5sum": "ca013042805db484ac9f13403c73781a",
    "settings": {
      "testing": false
    },
    "software": "mriqc",
    "version": "22.0.1",
    "warnings": {
      "large_rot_frame": true,
      "small_air_mask": false
    },
    "webapi_port": null,
    "webapi_url": "https://mriqc.nimh.nih.gov/api/v1"
  },
  "qi_1": 0.0,
  "qi_2": 0.004297412542760391,
  "rpve_csf": 21.610578991228163,
  "rpve_gm": 12.179961144538543,
  "rpve_wm": 16.562941932037848,
  "size_x": 256,
  "size_y": 256,
  "size_z": 160,
  "snr_csf": 2.0451483831086574,
  "snr_gm": 8.115170873811893,
  "snr_total": 11.537959508319775,
  "snr_wm": 24.453559268038774,
  "snrd_csf": 33.76720962313252,
  "snrd_gm": 96.79474464915586,
  "snrd_total": 96.1858216301747,
  "snrd_wm": 157.99551061823576,
  "spacing_x": 1.0,
  "spacing_y": 1.0,
  "spacing_z": 0.9999732971191406,
  "summary_bg_k": 5.473519527130648,
  "summary_bg_mad": 4.14646687881487,
  "summary_bg_mean": 6.828041240025189,
  "summary_bg_median": 2.796749409288168,
  "summary_bg_n": 1932207.0,
  "summary_bg_p05": 0.0,
  "summary_bg_p95": 26.163793386891484,
  "summary_bg_stdv": 9.566273367265017,
  "summary_csf_k": -0.09073292733435734,
  "summary_csf_mad": 109.02503673753445,
  "summary_csf_mean": 218.8673076123794,
  "summary_csf_median": 213.71826735977083,
  "summary_csf_n": 32874.0,
  "summary_csf_p05": 51.77330346694216,
  "summary_csf_p95": 393.16622130572796,
  "summary_csf_stdv": 104.49853836198389,
  "summary_gm_k": 0.2910166944007675,
  "summary_gm_mad": 72.44298293349746,
  "summary_gm_mean": 612.7870718407521,
  "summary_gm_median": 612.6299847345799,
  "summary_gm_n": 35909.0,
  "summary_gm_p05": 487.1451079778373,
  "summary_gm_p95": 735.0627567011862,
  "summary_gm_stdv": 75.4908878554402,
  "summary_wm_k": 0.440187200447252,
  "summary_wm_mad": 38.580170089842696,
  "summary_wm_mean": 998.5750852981915,
  "summary_wm_median": 999.9797779209912,
  "summary_wm_n": 224427.0,
  "summary_wm_p05": 930.061042688787,
  "summary_wm_p95": 1064.6090088356286,
  "summary_wm_stdv": 40.89292438400244,
  "tpm_overlap_csf": 0.147284212026675,
  "tpm_overlap_gm": 0.45985416329804657,
  "tpm_overlap_wm": 0.5112413131047885,
  "wm2max": 0.858700563045613
}