{
  "bids_meta": {
    "EchoTime": 0.00336,
    "FlipAngle": 9,
    "ImageType": [
      "ORIGINAL",
      "PRIMARY",
      "M",
      "ND",
      "NORM"
    ],
    "MagneticFieldStrength": 3,
    "Manufacturer": "Siemens",
    "ManufacturersModelName": "TrioTim",
    "PhaseEncodingDirection": "i-",
    "RepetitionTime": 2.3,
    "ScanningSequence": "GR_IR",
    "SequenceName": "_tfl3d1",
    "SequenceVariant": "SP_MP",
    "SoftwareVersions": "syngo_MR_B17",
    "dataset": "ds003083",
    "modality": "T1w",
    "subject_id": "1034"
  },
  "cjv": 0.3102221362816974,
  "cnr": 4.2348748618776275,
  "efc": 0.5839390745337081,
  "fber": 16051.732355896827,
  "fwhm_avg": 4.277947495485873,
  "fwhm_x": 4.29828,
  "fwhm_y": 4.44045,
  "fwhm_z": 4.095112486457618,
  "icvs_csf": 0.24114360181353783,
  "icvs_gm": 0.4194883453499481,
  "icvs_wm": 0.33936805283651406,
  "inu_med": 0.5331307649612427,
  "inu_range": 0.1876048445701599,
  "provenance": {
    "md5sum": "d476891a91e4d5854d4d81986c4c2bd5",
    "settings": {
      "testing": false
    },
    "software": "mriqc",
    "version": "22.0.1",
    "warnings": {
      "large_rot_frame": true,
      "small_air_mask": false
    },
    "webapi_port": null,
    "webapi_url": "https://mriqc.nimh.nih.gov/api/v1"
  },
  "qi_1": 0.0,
  "qi_2": 0.0035658446558693283,
  "rpve_csf": 17.897848823287216,
  "rpve_gm": 10.175441038825634,
  "rpve_wm": 14.74809698196723,
  "size_x": 256,
  "size_y": 256,
  "size_z": 160,
  "snr_csf": 2.1341863178968348,
  "snr_gm": 8.750069569673727,
  "snr_total": 9.912344525509498,
  "snr_wm": 18.852777688957936,
  "snrd_csf": 27.958990533216657,
  "snrd_gm": 85.67040622047921,
  "snrd_total": 83.95417410952423,
  "snrd_wm": 138.23312557487682,
  "spacing_x": 1.0,
  "spacing_y": 1.0,
  "spacing_z": 0.9999847412109375,
  "summary_bg_k": 4.4793382757276365,
  "summary_bg_mad": 4.739358750131485,
  "summary_bg_mean": 10.487774506458008,
  "summary_bg_median": 3.1966488994657993,
  "summary_bg_n": 1827778.0,
  "summary_bg_p05": 0.0,
  "summary_bg_p95": 42.1516737639904,
  "summary_bg_stdv": 15.23452093500836,
  "summary_csf_k": 0.2466574519216227,
  "summary_csf_mad": 95.65333367075718,
  "summary_csf_mean": 208.4866745566074,
  "summary_csf_median": 202.2596919182688,
  "summary_csf_n": 57722.0,
  "summary_csf_p05": 61.773586543090644,
  "summary_csf_p95": 372.44266556948423,
  "summary_csf_stdv": 94.77051661280105,
  "summary_gm_k": 0.30003371945006174,
  "summary_gm_mad": 68.11602507085527,
  "summary_gm_mean": 618.2919017297402,
  "summary_gm_median": 619.7530611157417,
  "summary_gm_n": 44613.0,
  "summary_gm_p05": 498.3377221576869,
  "summary_gm_p95": 731.5916808880866,
  "summary_gm_stdv": 70.8275643138959,
  "summary_wm_k": 0.5443450295360499,
  "summary_wm_mad": 49.84497995827941,
  "summary_wm_mean": 998.2464372652437,
  "summary_wm_median": 999.9999591708183,
  "summary_wm_n": 228451.0,
  "summary_wm_p05": 909.3474055528641,
  "summary_wm_p95": 1083.2010139748454,
  "summary_wm_stdv": 53.04246339790366,
  "tpm_overlap_csf": 0.13887829438605184,
  "tpm_overlap_gm": 0.4505833382423791,
  "tpm_overlap_wm": 0.48862045325096787,
  "wm2max": 0.7715975814804511
}