{
  "bids_meta": {
    "EchoTime": 0.00336,
    "FlipAngle": 9,
    "ImageType": [
      "ORIGINAL",
      "PRIMARY",
      "M",
      "ND",
      "NORM"
    ],
    "MagneticFieldStrength": 3,
    "Manufacturer": "Siemens",
    "ManufacturersModelName": "TrioTim",
    "PhaseEncodingDirection": "i-",
    "RepetitionTime": 2.3,
    "ScanningSequence": "GR_IR",
    "SequenceName": "_tfl3d1",
    "SequenceVariant": "SP_MP",
    "SoftwareVersions": "syngo_MR_B17",
    "dataset": "ds003083",
    "modality": "T1w",
    "subject_id": "1019"
  },
  "cjv": 0.3025091207846037,
  "cnr": 4.434721050378569,
  "efc": 0.5271482347293109,
  "fber": 8803.973773068019,
  "fwhm_avg": 4.052970077685917,
  "fwhm_x": 4.00211,
  "fwhm_y": 4.24674,
  "fwhm_z": 3.9100602330577514,
  "icvs_csf": 0.2164893635979825,
  "icvs_gm": 0.4314630315237293,
  "icvs_wm": 0.3520476048782882,
  "inu_med": 0.5757655799388885,
  "inu_range": 0.2004035666584968,
  "provenance": {
    "md5sum": "4aba0687a7a2902f6c4cdbc35e989490",
    "settings": {
      "testing": false
    },
    "software": "mriqc",
    "version": "22.0.1",
    "warnings": {
      "large_rot_frame": true,
      "small_air_mask": false
    },
    "webapi_port": null,
    "webapi_url": "https://mriqc.nimh.nih.gov/api/v1"
  },
  "qi_1": 0.0,
  "qi_2": 0.004345924698607208,
  "rpve_csf": 23.220437177257494,
  "rpve_gm": 12.167301029303903,
  "rpve_wm": 17.70099006873401,
  "size_x": 256,
  "size_y": 256,
  "size_z": 160,
  "snr_csf": 1.747587309189622,
  "snr_gm": 6.971971542996285,
  "snr_total": 9.056740539927292,
  "snr_wm": 18.45066276759597,
  "snrd_csf": 16.938026379459334,
  "snrd_gm": 57.77922604823639,
  "snrd_total": 59.07395075130739,
  "snrd_wm": 102.50459982622645,
  "spacing_x": 1.0,
  "spacing_y": 1.0,
  "spacing_z": 0.9999999403953552,
  "summary_bg_k": 3.6992759377359397,
  "summary_bg_mad": 6.391135605064297,
  "summary_bg_mean": 10.641286324618894,
  "summary_bg_median": 4.310755457729101,
  "summary_bg_n": 1971909.0,
  "summary_bg_p05": 0.0,
  "summary_bg_p95": 39.79708491638303,
  "summary_bg_stdv": 14.368053963904961,
  "summary_csf_k": 0.3954387831763757,
  "summary_csf_mad": 100.38673218341324,
  "summary_csf_mean": 174.255589524765,
  "summary_csf_median": 165.2376871034503,
  "summary_csf_n": 23339.0,
  "summary_csf_p05": 37.93702966086567,
  "summary_csf_p95": 337.1487094514071,
  "summary_csf_stdv": 94.54986669265334,
  "summary_gm_k": 0.07896578758951556,
  "summary_gm_mad": 79.51843857792706,
  "summary_gm_mean": 564.8147450774595,
  "summary_gm_median": 563.6610465086997,
  "summary_gm_n": 49697.0,
  "summary_gm_p05": 432.9284561298788,
  "summary_gm_p95": 698.7758413307369,
  "summary_gm_stdv": 80.8459087974635,
  "summary_wm_k": 0.2752269756413339,
  "summary_wm_mad": 52.470870216163235,
  "summary_wm_mean": 998.7597101139978,
  "summary_wm_median": 999.9761845506728,
  "summary_wm_n": 197275.0,
  "summary_wm_p05": 907.5926463156939,
  "summary_wm_p95": 1085.5482528358698,
  "summary_wm_stdv": 54.19716693489278,
  "tpm_overlap_csf": 0.14222456983245904,
  "tpm_overlap_gm": 0.4773572671396275,
  "tpm_overlap_wm": 0.5134282799362583,
  "wm2max": 0.6851105490739985
}