{
  "bids_meta": {
    "EchoTime": 0.00336,
    "FlipAngle": 9,
    "ImageType": [
      "ORIGINAL",
      "PRIMARY",
      "M",
      "ND",
      "NORM"
    ],
    "MagneticFieldStrength": 3,
    "Manufacturer": "Siemens",
    "ManufacturersModelName": "TrioTim",
    "PhaseEncodingDirection": "i-",
    "RepetitionTime": 2.3,
    "ScanningSequence": "GR_IR",
    "SequenceName": "_tfl3d1",
    "SequenceVariant": "SP_MP",
    "SoftwareVersions": "syngo_MR_B17",
    "dataset": "ds003083",
    "modality": "T1w",
    "subject_id": "1035"
  },
  "cjv": 0.31171940332130127,
  "cnr": 4.194922607262647,
  "efc": 0.5850584484114508,
  "fber": 17232.148059076506,
  "fwhm_avg": 4.03947969533052,
  "fwhm_x": 4.10027,
  "fwhm_y": 4.20581,
  "fwhm_z": 3.812359085991562,
  "icvs_csf": 0.22674246847664448,
  "icvs_gm": 0.4208889411408727,
  "icvs_wm": 0.3523685903824828,
  "inu_med": 0.4319009780883789,
  "inu_range": 0.10471619665622711,
  "provenance": {
    "md5sum": "b84f37ba079fd0cced3115a457167e63",
    "settings": {
      "testing": false
    },
    "software": "mriqc",
    "version": "22.0.1",
    "warnings": {
      "large_rot_frame": true,
      "small_air_mask": false
    },
    "webapi_port": null,
    "webapi_url": "https://mriqc.nimh.nih.gov/api/v1"
  },
  "qi_1": 0.0,
  "qi_2": 0.0012067948375071942,
  "rpve_csf": 22.006503239991964,
  "rpve_gm": 11.747450948300651,
  "rpve_wm": 16.490452699010984,
  "size_x": 256,
  "size_y": 256,
  "size_z": 160,
  "snr_csf": 1.8709455253141964,
  "snr_gm": 8.28209384048111,
  "snr_total": 10.636088586618603,
  "snr_wm": 21.755226394060504,
  "snrd_csf": 28.943322534113594,
  "snrd_gm": 90.49932760629143,
  "snrd_total": 88.23648340078547,
  "snrd_wm": 145.2668000619514,
  "spacing_x": 1.0,
  "spacing_y": 1.0,
  "spacing_z": 0.9999923706054688,
  "summary_bg_k": 44.618291438430916,
  "summary_bg_mad": 4.5097941470390905,
  "summary_bg_mean": 9.621928424445658,
  "summary_bg_median": 3.0418099276721478,
  "summary_bg_n": 1464506.0,
  "summary_bg_p05": 0.0,
  "summary_bg_p95": 36.28302691504359,
  "summary_bg_stdv": 17.503497892996425,
  "summary_csf_k": 0.0901143489339713,
  "summary_csf_mad": 109.22249811668857,
  "summary_csf_mean": 204.64484638215274,
  "summary_csf_median": 199.23855026252568,
  "summary_csf_n": 26824.0,
  "summary_csf_p05": 40.001788659952595,
  "summary_csf_p95": 389.5276185711845,
  "summary_csf_stdv": 106.4888494725806,
  "summary_gm_k": 0.17391404657739518,
  "summary_gm_mad": 72.80517348487945,
  "summary_gm_mean": 624.036644427595,
  "summary_gm_median": 622.9746018536389,
  "summary_gm_n": 34593.0,
  "summary_gm_p05": 500.6540805399418,
  "summary_gm_p95": 748.2534324303269,
  "summary_gm_stdv": 75.21836982802645,
  "summary_wm_k": 0.4223427813416478,
  "summary_wm_mad": 44.71475634678628,
  "summary_wm_mean": 997.1648230540253,
  "summary_wm_median": 999.9801028892398,
  "summary_wm_n": 207507.0,
  "summary_wm_p05": 917.9764858391136,
  "summary_wm_p95": 1067.3512225095178,
  "summary_wm_stdv": 45.964940803834644,
  "tpm_overlap_csf": 0.13290314182105395,
  "tpm_overlap_gm": 0.4603592084378632,
  "tpm_overlap_wm": 0.5085219744382706,
  "wm2max": 0.8743828662818998
}