{
  "bids_meta": {
    "EchoTime": 0.00336,
    "FlipAngle": 9,
    "ImageType": [
      "ORIGINAL",
      "PRIMARY",
      "M",
      "ND",
      "NORM"
    ],
    "MagneticFieldStrength": 3,
    "Manufacturer": "Siemens",
    "ManufacturersModelName": "TrioTim",
    "PhaseEncodingDirection": "i-",
    "RepetitionTime": 2.3,
    "ScanningSequence": "GR_IR",
    "SequenceName": "_tfl3d1",
    "SequenceVariant": "SP_MP",
    "SoftwareVersions": "syngo_MR_B17",
    "dataset": "ds003083",
    "modality": "T1w",
    "subject_id": "1032"
  },
  "cjv": 0.3244280161511554,
  "cnr": 4.098321415258523,
  "efc": 0.5453515194348065,
  "fber": 12874.928459937564,
  "fwhm_avg": 4.176901515827754,
  "fwhm_x": 4.07511,
  "fwhm_y": 4.40481,
  "fwhm_z": 4.050784547483262,
  "icvs_csf": 0.25420948702618235,
  "icvs_gm": 0.4266083340394983,
  "icvs_wm": 0.3191821789343193,
  "inu_med": 0.5810919404029846,
  "inu_range": 0.16527690887451169,
  "provenance": {
    "md5sum": "3f7b9abab3c77d03b3db4e399c619bd5",
    "settings": {
      "testing": false
    },
    "software": "mriqc",
    "version": "22.0.1",
    "warnings": {
      "large_rot_frame": true,
      "small_air_mask": false
    },
    "webapi_port": null,
    "webapi_url": "https://mriqc.nimh.nih.gov/api/v1"
  },
  "qi_1": 0.0,
  "qi_2": 0.0024629880745800814,
  "rpve_csf": 21.95864404777973,
  "rpve_gm": 12.783162953308667,
  "rpve_wm": 19.580481324619786,
  "size_x": 256,
  "size_y": 256,
  "size_z": 160,
  "snr_csf": 1.864691364822358,
  "snr_gm": 8.403268482593766,
  "snr_total": 9.823329741450213,
  "snr_wm": 19.20202937693451,
  "snrd_csf": 7.463503257003082,
  "snrd_gm": 25.091723050312464,
  "snrd_total": 24.28067951601098,
  "snrd_wm": 40.286812240717396,
  "spacing_x": 1.0,
  "spacing_y": 1.0,
  "spacing_z": 1.0000038146972656,
  "summary_bg_k": 34.049270624614415,
  "summary_bg_mad": 0.0,
  "summary_bg_mean": 10.122529149351402,
  "summary_bg_median": 0.0,
  "summary_bg_n": 1972627.0,
  "summary_bg_p05": 0.0,
  "summary_bg_p95": 40.330946158617735,
  "summary_bg_stdv": 16.26180770847776,
  "summary_csf_k": 0.10656566592368355,
  "summary_csf_mad": 105.0722054253449,
  "summary_csf_mean": 190.73263985001452,
  "summary_csf_median": 185.259214412421,
  "summary_csf_n": 26012.0,
  "summary_csf_p05": 42.709308102726936,
  "summary_csf_p95": 361.9917482379824,
  "summary_csf_stdv": 99.34923110570514,
  "summary_gm_k": 0.3028035613159541,
  "summary_gm_mad": 71.46110365415282,
  "summary_gm_mean": 621.3196382584067,
  "summary_gm_median": 622.8272086828947,
  "summary_gm_n": 29705.0,
  "summary_gm_p05": 495.7164136316627,
  "summary_gm_p95": 738.9570560347289,
  "summary_gm_stdv": 74.11600930555842,
  "summary_wm_k": 0.21530180189431958,
  "summary_wm_mad": 50.904313731593376,
  "summary_wm_mean": 999.1133206368943,
  "summary_wm_median": 999.9999906066805,
  "summary_wm_n": 158422.0,
  "summary_wm_p05": 912.0765038430691,
  "summary_wm_p95": 1082.9643396995962,
  "summary_wm_stdv": 52.07766402417969,
  "tpm_overlap_csf": 0.13406082886977996,
  "tpm_overlap_gm": 0.45987973796877185,
  "tpm_overlap_wm": 0.4754553216876582,
  "wm2max": 0.651999759708813
}