{
  "bids_meta": {
    "EchoTime": 0.00336,
    "FlipAngle": 9,
    "ImageType": [
      "ORIGINAL",
      "PRIMARY",
      "M",
      "ND",
      "NORM"
    ],
    "MagneticFieldStrength": 3,
    "Manufacturer": "Siemens",
    "ManufacturersModelName": "TrioTim",
    "PhaseEncodingDirection": "i-",
    "RepetitionTime": 2.3,
    "ScanningSequence": "GR_IR",
    "SequenceName": "_tfl3d1",
    "SequenceVariant": "SP_MP",
    "SoftwareVersions": "syngo_MR_B17",
    "dataset": "ds003083",
    "modality": "T1w",
    "subject_id": "1007"
  },
  "cjv": 0.3183647876535955,
  "cnr": 4.157997755334558,
  "efc": 0.6106137146470494,
  "fber": 19233.38831536504,
  "fwhm_avg": 4.055203124895094,
  "fwhm_x": 4.12667,
  "fwhm_y": 4.14776,
  "fwhm_z": 3.8911793746852825,
  "icvs_csf": 0.22556929132482992,
  "icvs_gm": 0.4244688087808444,
  "icvs_wm": 0.34996189989432563,
  "inu_med": 0.3975776135921478,
  "inu_range": 0.09565635025501251,
  "provenance": {
    "md5sum": "96abf386b274dc5e196083ef7fe38120",
    "settings": {
      "testing": false
    },
    "software": "mriqc",
    "version": "22.0.1",
    "warnings": {
      "large_rot_frame": true,
      "small_air_mask": false
    },
    "webapi_port": null,
    "webapi_url": "https://mriqc.nimh.nih.gov/api/v1"
  },
  "qi_1": 0.0,
  "qi_2": 0.0023805069439983015,
  "rpve_csf": 21.033318639187264,
  "rpve_gm": 11.274130839937854,
  "rpve_wm": 16.000181365188027,
  "size_x": 256,
  "size_y": 256,
  "size_z": 160,
  "snr_csf": 1.9588915765824328,
  "snr_gm": 7.9544128093042294,
  "snr_total": 10.404849264694752,
  "snr_wm": 21.30124340819759,
  "snrd_csf": 31.63144282036079,
  "snrd_gm": 95.58477031542668,
  "snrd_total": 93.99726548884537,
  "snrd_wm": 154.77558333074867,
  "spacing_x": 1.0,
  "spacing_y": 1.0,
  "spacing_z": 0.9999847412109375,
  "summary_bg_k": 68.55115757934739,
  "summary_bg_mad": 4.2328148252504105,
  "summary_bg_mean": 8.87909733463474,
  "summary_bg_median": 2.8549902141094208,
  "summary_bg_n": 1423184.0,
  "summary_bg_p05": 0.0,
  "summary_bg_p95": 34.715887950733304,
  "summary_bg_stdv": 15.092924249424852,
  "summary_csf_k": 0.08435467123291529,
  "summary_csf_mad": 105.29126877810397,
  "summary_csf_mean": 211.596135757091,
  "summary_csf_median": 204.36971615999937,
  "summary_csf_n": 35009.0,
  "summary_csf_p05": 48.77274949103594,
  "summary_csf_p95": 391.5738036576658,
  "summary_csf_stdv": 104.3277738111887,
  "summary_gm_k": 0.0803022308680088,
  "summary_gm_mad": 76.42582323368798,
  "summary_gm_mean": 618.095699155996,
  "summary_gm_median": 617.5700706895441,
  "summary_gm_n": 47943.0,
  "summary_gm_p05": 489.5316901151091,
  "summary_gm_p95": 745.9256723988801,
  "summary_gm_stdv": 77.63786526941787,
  "summary_wm_k": 0.3007538120365689,
  "summary_wm_mad": 45.32639208705648,
  "summary_wm_mean": 997.0721417201942,
  "summary_wm_median": 999.9999751336873,
  "summary_wm_n": 211343.0,
  "summary_wm_p05": 916.4538413612172,
  "summary_wm_p95": 1070.12567226775,
  "summary_wm_stdv": 46.945504079058786,
  "tpm_overlap_csf": 0.13902821004460028,
  "tpm_overlap_gm": 0.45793636722502573,
  "tpm_overlap_wm": 0.49447125902616845,
  "wm2max": 0.8799525462761039
}