{
  "bids_meta": {
    "EchoTime": 0.00336,
    "FlipAngle": 9,
    "ImageType": [
      "ORIGINAL",
      "PRIMARY",
      "M",
      "ND",
      "NORM"
    ],
    "MagneticFieldStrength": 3,
    "Manufacturer": "Siemens",
    "ManufacturersModelName": "TrioTim",
    "PhaseEncodingDirection": "i-",
    "RepetitionTime": 2.3,
    "ScanningSequence": "GR_IR",
    "SequenceName": "_tfl3d1",
    "SequenceVariant": "SP_MP",
    "SoftwareVersions": "syngo_MR_B17",
    "dataset": "ds003083",
    "modality": "T1w",
    "subject_id": "1001"
  },
  "cjv": 0.3170301774905616,
  "cnr": 4.186393687740993,
  "efc": 0.5385096957571739,
  "fber": 10389.689135118497,
  "fwhm_avg": 4.092940142603176,
  "fwhm_x": 4.04861,
  "fwhm_y": 4.29182,
  "fwhm_z": 3.938390427809527,
  "icvs_csf": 0.22087209566188543,
  "icvs_gm": 0.4418266475246123,
  "icvs_wm": 0.33730125681350226,
  "inu_med": 0.5586204826831818,
  "inu_range": 0.19964670091867454,
  "provenance": {
    "md5sum": "9b98b3e66971f27e68575508edf53886",
    "settings": {
      "testing": false
    },
    "software": "mriqc",
    "version": "22.0.1",
    "warnings": {
      "large_rot_frame": true,
      "small_air_mask": false
    },
    "webapi_port": null,
    "webapi_url": "https://mriqc.nimh.nih.gov/api/v1"
  },
  "qi_1": 0.0,
  "qi_2": 0.004454610779343662,
  "rpve_csf": 23.942748354877427,
  "rpve_gm": 12.30527734266749,
  "rpve_wm": 18.35840408547352,
  "size_x": 256,
  "size_y": 256,
  "size_z": 160,
  "snr_csf": 1.933650738019367,
  "snr_gm": 9.010692032492345,
  "snr_total": 10.456953095916981,
  "snr_wm": 20.426516517239236,
  "snrd_csf": 21.444012940076792,
  "snrd_gm": 67.87471978321085,
  "snrd_total": 65.37071732478881,
  "snrd_wm": 106.79341925107879,
  "spacing_x": 1.0,
  "spacing_y": 1.0,
  "spacing_z": 0.9999313354492188,
  "summary_bg_k": 3.342198515424533,
  "summary_bg_mad": 6.134613855992515,
  "summary_bg_mean": 10.52980502259088,
  "summary_bg_median": 4.137734167277813,
  "summary_bg_n": 1927633.0,
  "summary_bg_p05": 0.0,
  "summary_bg_p95": 40.33101809024811,
  "summary_bg_stdv": 14.356690619969504,
  "summary_csf_k": 0.22691765114117812,
  "summary_csf_mad": 103.93587153716054,
  "summary_csf_mean": 209.84079181518274,
  "summary_csf_median": 200.7990075200796,
  "summary_csf_n": 29340.0,
  "summary_csf_p05": 48.91562748327851,
  "summary_csf_p95": 389.4238023566082,
  "summary_csf_stdv": 103.84273726906463,
  "summary_gm_k": 0.21822924680816147,
  "summary_gm_mad": 68.15062404387086,
  "summary_gm_mean": 634.6994349866732,
  "summary_gm_median": 635.5702361427248,
  "summary_gm_n": 43210.0,
  "summary_gm_p05": 516.07294899337,
  "summary_gm_p95": 749.3579257428646,
  "summary_gm_stdv": 70.53430295628479,
  "summary_wm_k": 0.30047591257162676,
  "summary_wm_mad": 47.38460357732149,
  "summary_wm_mean": 1000.0155266011825,
  "summary_wm_median": 999.9999839216471,
  "summary_wm_n": 177587.0,
  "summary_wm_p05": 919.7422091253102,
  "summary_wm_p95": 1080.1864184737206,
  "summary_wm_stdv": 48.95583481169494,
  "tpm_overlap_csf": 0.14947179726264834,
  "tpm_overlap_gm": 0.4780903873701963,
  "tpm_overlap_wm": 0.49750099315516305,
  "wm2max": 0.6952122735087951
}