{
  "bids_meta": {
    "EchoTime": 0.00336,
    "FlipAngle": 9,
    "ImageType": [
      "ORIGINAL",
      "PRIMARY",
      "M",
      "ND",
      "NORM"
    ],
    "MagneticFieldStrength": 3,
    "Manufacturer": "Siemens",
    "ManufacturersModelName": "TrioTim",
    "PhaseEncodingDirection": "i-",
    "RepetitionTime": 2.3,
    "ScanningSequence": "GR_IR",
    "SequenceName": "_tfl3d1",
    "SequenceVariant": "SP_MP",
    "SoftwareVersions": "syngo_MR_B17",
    "dataset": "ds003083",
    "modality": "T1w",
    "subject_id": "1029"
  },
  "cjv": 0.31141399793355384,
  "cnr": 4.267324271404497,
  "efc": 0.5291367344650103,
  "fber": 16688.81207133059,
  "fwhm_avg": 4.116350079278951,
  "fwhm_x": 4.01565,
  "fwhm_y": 4.34316,
  "fwhm_z": 3.990240237836852,
  "icvs_csf": 0.25086041591208796,
  "icvs_gm": 0.4094195377827631,
  "icvs_wm": 0.33972004630514896,
  "inu_med": 0.4971260130405426,
  "inu_range": 0.14224828779697418,
  "provenance": {
    "md5sum": "a577efd4c2c53b752785cb6fa2480b7a",
    "settings": {
      "testing": false
    },
    "software": "mriqc",
    "version": "22.0.1",
    "warnings": {
      "large_rot_frame": true,
      "small_air_mask": false
    },
    "webapi_port": null,
    "webapi_url": "https://mriqc.nimh.nih.gov/api/v1"
  },
  "qi_1": 0.0,
  "qi_2": 0.004471619546191089,
  "rpve_csf": 19.362499930116453,
  "rpve_gm": 11.64036413510581,
  "rpve_wm": 17.107480964175203,
  "size_x": 256,
  "size_y": 256,
  "size_z": 160,
  "snr_csf": 1.7804215598697577,
  "snr_gm": 7.114460253847132,
  "snr_total": 9.610438010341205,
  "snr_wm": 19.936432217306727,
  "snrd_csf": 24.46679659542466,
  "snrd_gm": 80.53384152573145,
  "snrd_total": 80.89691719130256,
  "snrd_wm": 137.6901134527516,
  "spacing_x": 1.0,
  "spacing_y": 1.0,
  "spacing_z": 0.9999999403953552,
  "summary_bg_k": 3.4623056313028586,
  "summary_bg_mad": 4.757855271515034,
  "summary_bg_mean": 9.626778580716511,
  "summary_bg_median": 3.2091246135532856,
  "summary_bg_n": 2028645.0,
  "summary_bg_p05": 0.0,
  "summary_bg_p95": 38.16201053187251,
  "summary_bg_stdv": 13.715171051671675,
  "summary_csf_k": -0.07971567077251729,
  "summary_csf_mad": 107.43055374217067,
  "summary_csf_mean": 186.36456754552867,
  "summary_csf_median": 177.68739022687078,
  "summary_csf_n": 29291.0,
  "summary_csf_p05": 40.82946761511266,
  "summary_csf_p95": 360.3928702156991,
  "summary_csf_stdv": 99.79903696194002,
  "summary_gm_k": 0.13163015745840623,
  "summary_gm_mad": 81.05021607431183,
  "summary_gm_mean": 584.4987980111847,
  "summary_gm_median": 584.868070891127,
  "summary_gm_n": 29134.0,
  "summary_gm_p05": 448.18695673737676,
  "summary_gm_p95": 718.0130158847197,
  "summary_gm_stdv": 82.20694365913242,
  "summary_wm_k": 0.3022961548236247,
  "summary_wm_mad": 48.21495373872878,
  "summary_wm_mean": 997.7622950616009,
  "summary_wm_median": 999.9591415263712,
  "summary_wm_n": 204009.0,
  "summary_wm_p05": 912.3520836047828,
  "summary_wm_p95": 1077.7957436181605,
  "summary_wm_stdv": 50.15725380809027,
  "tpm_overlap_csf": 0.15918131571302777,
  "tpm_overlap_gm": 0.4664822518796705,
  "tpm_overlap_wm": 0.5147858913866116,
  "wm2max": 0.8004205492453028
}