{
  "bids_meta": {
    "EchoTime": 0.00336,
    "FlipAngle": 9,
    "ImageType": [
      "ORIGINAL",
      "PRIMARY",
      "M",
      "ND",
      "NORM"
    ],
    "MagneticFieldStrength": 3,
    "Manufacturer": "Siemens",
    "ManufacturersModelName": "TrioTim",
    "PhaseEncodingDirection": "i-",
    "RepetitionTime": 2.3,
    "ScanningSequence": "GR_IR",
    "SequenceName": "_tfl3d1",
    "SequenceVariant": "SP_MP",
    "SoftwareVersions": "syngo_MR_B17",
    "dataset": "ds003083",
    "modality": "T1w",
    "subject_id": "1014"
  },
  "cjv": 0.3490453644670559,
  "cnr": 3.9058997878650215,
  "efc": 0.5250843018664824,
  "fber": 7423.141973054136,
  "fwhm_avg": 4.280601481101082,
  "fwhm_x": 4.297419487707676,
  "fwhm_y": 4.44984,
  "fwhm_z": 4.094544955595569,
  "icvs_csf": 0.26926066315551983,
  "icvs_gm": 0.3922926195069218,
  "icvs_wm": 0.3384467173375584,
  "inu_med": 0.7476980090141296,
  "inu_range": 0.2577039480209351,
  "provenance": {
    "md5sum": "449bb8662f401bc741eddd08e6bae7e2",
    "settings": {
      "testing": false
    },
    "software": "mriqc",
    "version": "22.0.1",
    "warnings": {
      "large_rot_frame": true,
      "small_air_mask": false
    },
    "webapi_port": null,
    "webapi_url": "https://mriqc.nimh.nih.gov/api/v1"
  },
  "qi_1": 0.0,
  "qi_2": 0.0033551984337968277,
  "rpve_csf": 21.112043635655265,
  "rpve_gm": 13.41653684576758,
  "rpve_wm": 18.785051279600513,
  "size_x": 256,
  "size_y": 256,
  "size_z": 160,
  "snr_csf": 1.525121402231215,
  "snr_gm": 6.831452642805939,
  "snr_total": 7.89894841918742,
  "snr_wm": 15.340271212525106,
  "snrd_csf": 12.598214915887485,
  "snrd_gm": 50.65707823708872,
  "snrd_total": 50.357934219921255,
  "snrd_wm": 87.81850950678758,
  "spacing_x": 1.0000001192092896,
  "spacing_y": 1.0,
  "spacing_z": 0.999969482421875,
  "summary_bg_k": 11.758048695898882,
  "summary_bg_mad": 7.460311211931452,
  "summary_bg_mean": 12.817876939646084,
  "summary_bg_median": 5.031903445720673,
  "summary_bg_n": 2139644.0,
  "summary_bg_p05": 0.0,
  "summary_bg_p95": 49.592780351638794,
  "summary_bg_stdv": 18.933802911565188,
  "summary_csf_k": 0.41872290275014334,
  "summary_csf_mad": 92.42710308184147,
  "summary_csf_mean": 158.95158435799277,
  "summary_csf_median": 143.46112349629402,
  "summary_csf_n": 28046.0,
  "summary_csf_p05": 30.178451851010323,
  "summary_csf_p95": 334.24548326432705,
  "summary_csf_stdv": 94.06370250894143,
  "summary_gm_k": -0.05625144792046033,
  "summary_gm_mad": 85.13984032585688,
  "summary_gm_mean": 575.3670260439393,
  "summary_gm_median": 576.8532609939575,
  "summary_gm_n": 16963.0,
  "summary_gm_p05": 434.9743339419365,
  "summary_gm_p95": 711.8301802784205,
  "summary_gm_stdv": 84.43830143085172,
  "summary_wm_k": 0.4361237233635129,
  "summary_wm_mad": 62.56663062789934,
  "summary_wm_mean": 1000.6825296470612,
  "summary_wm_median": 1000.0259657204151,
  "summary_wm_n": 168630.0,
  "summary_wm_p05": 894.9784968793392,
  "summary_wm_p95": 1108.419390976429,
  "summary_wm_stdv": 65.18939507086853,
  "tpm_overlap_csf": 0.1509048434399565,
  "tpm_overlap_gm": 0.4523627148366189,
  "tpm_overlap_wm": 0.5042513983494212,
  "wm2max": 0.6271642851029446
}