{
  "bids_meta": {
    "EchoTime": 0.00336,
    "FlipAngle": 9,
    "ImageType": [
      "ORIGINAL",
      "PRIMARY",
      "M",
      "ND",
      "NORM"
    ],
    "MagneticFieldStrength": 3,
    "Manufacturer": "Siemens",
    "ManufacturersModelName": "TrioTim",
    "PhaseEncodingDirection": "i-",
    "RepetitionTime": 2.3,
    "ScanningSequence": "GR_IR",
    "SequenceName": "_tfl3d1",
    "SequenceVariant": "SP_MP",
    "SoftwareVersions": "syngo_MR_B17",
    "dataset": "ds003083",
    "modality": "T1w",
    "subject_id": "1009"
  },
  "cjv": 0.3209529971762277,
  "cnr": 4.14866115756792,
  "efc": 0.6506527734339556,
  "fber": 12616.400464712635,
  "fwhm_avg": 4.449569087101607,
  "fwhm_x": 4.3764,
  "fwhm_y": 4.65745,
  "fwhm_z": 4.31485726130482,
  "icvs_csf": 0.23592631191853994,
  "icvs_gm": 0.3983580592502216,
  "icvs_wm": 0.3657156288312384,
  "inu_med": 0.5584476292133331,
  "inu_range": 0.2746319085359572,
  "provenance": {
    "md5sum": "594cb13cdc2e3d1e347a0abf5cbf2beb",
    "settings": {
      "testing": false
    },
    "software": "mriqc",
    "version": "22.0.1",
    "warnings": {
      "large_rot_frame": true,
      "small_air_mask": false
    },
    "webapi_port": null,
    "webapi_url": "https://mriqc.nimh.nih.gov/api/v1"
  },
  "qi_1": 0.0,
  "qi_2": 0.003275625997578892,
  "rpve_csf": 18.1008198591591,
  "rpve_gm": 10.476233677702114,
  "rpve_wm": 13.769790931959925,
  "size_x": 256,
  "size_y": 256,
  "size_z": 160,
  "snr_csf": 2.1597436614822874,
  "snr_gm": 8.558550791895328,
  "snr_total": 10.635413381209366,
  "snr_wm": 21.187945690250483,
  "snrd_csf": 27.292076330881724,
  "snrd_gm": 80.5555642727565,
  "snrd_total": 78.4325334400298,
  "snrd_wm": 127.44995971645119,
  "spacing_x": 1.0,
  "spacing_y": 1.0,
  "spacing_z": 0.9999542832374573,
  "summary_bg_k": 6.2912351866174685,
  "summary_bg_mad": 5.140275064158632,
  "summary_bg_mean": 9.313118054467031,
  "summary_bg_median": 3.467062843963504,
  "summary_bg_n": 1093400.0,
  "summary_bg_p05": 0.0,
  "summary_bg_p95": 37.40778331644833,
  "summary_bg_stdv": 13.584561232981152,
  "summary_csf_k": 0.7465253303243111,
  "summary_csf_mad": 98.49617293991184,
  "summary_csf_mean": 220.23049113721112,
  "summary_csf_median": 214.13674986269325,
  "summary_csf_n": 48406.0,
  "summary_csf_p05": 65.31372898910195,
  "summary_csf_p95": 388.9757761368528,
  "summary_csf_stdv": 99.14812659850426,
  "summary_gm_k": 0.17916950462493375,
  "summary_gm_mad": 72.42763511453592,
  "summary_gm_mean": 630.8688533177752,
  "summary_gm_median": 632.0481632687151,
  "summary_gm_n": 37535.0,
  "summary_gm_p05": 507.3564211519435,
  "summary_gm_p95": 749.5190301390363,
  "summary_gm_stdv": 73.84892128705583,
  "summary_wm_k": 0.33572529087090963,
  "summary_wm_mad": 45.6634209646874,
  "summary_wm_mean": 999.252099783538,
  "summary_wm_median": 999.9869490666315,
  "summary_wm_n": 274914.0,
  "summary_wm_p05": 920.8571049850434,
  "summary_wm_p95": 1075.258708178997,
  "summary_wm_stdv": 47.195945513408624,
  "tpm_overlap_csf": 0.14639961739789706,
  "tpm_overlap_gm": 0.4548882057285014,
  "tpm_overlap_wm": 0.5093343158984796,
  "wm2max": 0.7043131392686419
}